Brain Vision Data Exchange Header File Version 2.0
; Data created from history path: VR_su0001/Raw Data/Raw Data Inspection/Change Sampling Rate/Formula Evaluator/Filters/Topographic Interpolation/Ocular Correction ICA/ICA/Inverse ICA/Raw Data Inspection/Segmentation_Acc/Artifact Rejection/Baseline Correction/Average_Acc

[Common Infos]
Codepage=UTF-8
DataFile=VR_su0001_Average_Acc.dat
MarkerFile=VR_su0001_Average_Acc.vmrk
DataFormat=ASCII
; Data orientation: VECTORIZED=ch1,pt1, ch1,pt2..., MULTIPLEXED=ch1,pt1, ch2,pt1 ...
DataOrientation=MULTIPLEXED
DataType=TIMEDOMAIN
NumberOfChannels=30
DataPoints=1741
; Sampling interval in microseconds if time domain (convert to Hertz:
; 1000000 / SamplingInterval) or in Hertz if frequency domain:
SamplingInterval=3906.25
SegmentationType=MARKERBASED
SegmentDataPoints=1741
Averaged=YES
AveragedSegments=76

[User Infos]
; Each entry: Prop<Number>=<Type>,<Name>,<Value>,<Value2>,...,<ValueN>
; Property number must be unique. Types can be int, single, string, bool, byte, double, uint
; or arrays of those, indicated int-array etc
; Array types have more than one value, number of values determines size of array.
; Fields are delimited by commas, commas in strings are written \1

[ASCII Infos]
; Decimal symbol for floating point numbers: the header file always uses a dot (.),
; however the data file might use a different one
DecimalSymbol=.
; SkipLines, SkipColumns: leading lines and columns with additional information.
SkipLines=1
SkipColumns=0

[Channel Infos]
; Each entry: Ch<Channel number>=<Name>,<Reference channel name>,
; <Resolution in "Unit">,<Unit>, Future extensions...
; Fields are delimited by commas, some fields might be omitted (empty).
; Commas in channel names are coded as "\1".
Ch1=Fp1,,,
Ch2=Fp2,,,
Ch3=F7,,,
Ch4=F3,,,
Ch5=Fz,,,
Ch6=F4,,,
Ch7=F8,,,
Ch8=FC5,,,
Ch9=FC1,,,
Ch10=FC2,,,
Ch11=FC6,,,
Ch12=T7,,,
Ch13=C3,,,
Ch14=Cz,,,
Ch15=C4,,,
Ch16=T8,,,
Ch17=CP5,,,
Ch18=CP1,,,
Ch19=CP2,,,
Ch20=CP6,,,
Ch21=P7,,,
Ch22=P3,,,
Ch23=Pz,,,
Ch24=P4,,,
Ch25=P8,,,
Ch26=PO9,,,
Ch27=O1,,,
Ch28=Oz,,,
Ch29=O2,,,
Ch30=PO10,,,

[Channel User Infos]
; Each entry: Prop<Number>=Ch<ChannelNumber>,<Type>,<Name>,<Value>,<Value2>,...,<ValueN>
; Property number must be unique. Types can be int, single, string, bool, byte, double, uint
; or arrays of those, indicated int-array etc
; Array types have more than one value, number of values determines size of array.
; Fields are delimited by commas, commas in strings are written \1
; Properties are assigned to channels using their channel number.

[Coordinates]
; Each entry: Ch<Channel number>=<Radius>,<Theta>,<Phi>
Ch1=1,-90,-72
Ch2=1,90,72
Ch3=1,-90,-36
Ch4=1,-60,-51
Ch5=1,45,90
Ch6=1,60,51
Ch7=1,90,36
Ch8=1,-69,-21
Ch9=1,-31,-46
Ch10=1,31,46
Ch11=1,69,21
Ch12=1,-90,0
Ch13=1,-45,0
Ch14=1,0,0
Ch15=1,45,0
Ch16=1,90,0
Ch17=1,-69,21
Ch18=1,-31,46
Ch19=1,31,-46
Ch20=1,69,-21
Ch21=1,-90,36
Ch22=1,-60,51
Ch23=1,45,-90
Ch24=1,60,-51
Ch25=1,90,-36
Ch26=1,-113,54
Ch27=1,-90,72
Ch28=1,90,-90
Ch29=1,90,-72
Ch30=1,113,-54
