Brain Vision Data Exchange Header File Version 1.0
; Data exported from BBCI Matlab Toolbox

[Common Infos]
DataFile=fVR_1_su0006.eeg
MarkerFile=fVR_1_su0006.vmrk
DataFormat=BINARY
DataOrientation=MULTIPLEXED
NumberOfChannels=32
DataPoints=218580
SamplingInterval=1000

[Binary Infos]
BinaryFormat=INT_16
UseBigEndianOrder=NO

[Channel Infos]
Ch1=Fp1,,0.0162267,µV
Ch2=Fp2,,0.0113834,µV
Ch3=F7,,0.0105564,µV
Ch4=F3,,0.0151158,µV
Ch5=Fz,,0.00453811,µV
Ch6=F4,,0.00686972,µV
Ch7=F8,,0.00648519,µV
Ch8=FC5,,0.00930815,µV
Ch9=FC1,,0.00295114,µV
Ch10=FC2,,0.00433974,µV
Ch11=FC6,,0.00826442,µV
Ch12=T7,,0.00617695,µV
Ch13=C3,,0.00408033,µV
Ch14=Cz,,0.00244148,µV
Ch15=C4,,0.0069979,µV
Ch16=T8,,0.00636006,µV
Ch17=EOG,,0.0198157,µV
Ch18=CP5,,0.00374157,µV
Ch19=CP1,,0.00318003,µV
Ch20=CP2,,0.00253304,µV
Ch21=CP6,,0.00385449,µV
Ch22=Null,,0.00247811,µV
Ch23=P7,,0.00591144,µV
Ch24=P3,,0.00449233,µV
Ch25=Pz,,0.00317698,µV
Ch26=P4,,0.00491959,µV
Ch27=P8,,0.00575885,µV
Ch28=PO9,,0.00834682,µV
Ch29=O1,,0.00442824,µV
Ch30=Oz,,0.00618305,µV
Ch31=O2,,0.00404065,µV
Ch32=PO10,,0.00672323,µV

