Brain Vision Data Exchange Header File Version 1.0
; Data exported from BBCI Matlab Toolbox

[Common Infos]
DataFile=nVR_1_su0004.eeg
MarkerFile=nVR_1_su0004.vmrk
DataFormat=BINARY
DataOrientation=MULTIPLEXED
NumberOfChannels=32
DataPoints=244720
SamplingInterval=1000

[Binary Infos]
BinaryFormat=INT_16
UseBigEndianOrder=NO

[Channel Infos]
Ch1=Fp1,,0.0171239,µV
Ch2=Fp2,,0.0149297,µV
Ch3=F7,,0.0159612,µV
Ch4=F3,,0.017481,µV
Ch5=Fz,,0.0107364,µV
Ch6=F4,,0.0152623,µV
Ch7=F8,,0.0113926,µV
Ch8=FC5,,0.0134983,µV
Ch9=FC1,,0.0111911,µV
Ch10=FC2,,0.0110843,µV
Ch11=FC6,,0.0121708,µV
Ch12=T7,,0.010358,µV
Ch13=C3,,0.0110019,µV
Ch14=Cz,,0.00982696,µV
Ch15=C4,,0.0106082,µV
Ch16=T8,,0.0102115,µV
Ch17=EOG,,0.0144932,µV
Ch18=CP5,,0.0107242,µV
Ch19=CP1,,0.0104129,µV
Ch20=CP2,,0.0109623,µV
Ch21=CP6,,0.0108005,µV
Ch22=Null,,0.0046083,µV
Ch23=P7,,0.0133122,µV
Ch24=P3,,0.0111728,µV
Ch25=Pz,,0.0125492,µV
Ch26=P4,,0.011771,µV
Ch27=P8,,0.0125431,µV
Ch28=PO9,,0.0121372,µV
Ch29=O1,,0.0114475,µV
Ch30=Oz,,0.01301,µV
Ch31=O2,,0.0111728,µV
Ch32=PO10,,0.0122532,µV

