Brain Vision Data Exchange Header File Version 1.0
; Data exported from BBCI Matlab Toolbox

[Common Infos]
DataFile=nVR_1_su0007.eeg
MarkerFile=nVR_1_su0007.vmrk
DataFormat=BINARY
DataOrientation=MULTIPLEXED
NumberOfChannels=32
DataPoints=213180
SamplingInterval=1000

[Binary Infos]
BinaryFormat=INT_16
UseBigEndianOrder=NO

[Channel Infos]
Ch1=Fp1,,0.024723,µV
Ch2=Fp2,,0.1,µV
Ch3=F7,,0.0265847,µV
Ch4=F3,,0.0191168,µV
Ch5=Fz,,0.00954924,µV
Ch6=F4,,0.0160711,µV
Ch7=F8,,0.0262246,µV
Ch8=FC5,,0.0215186,µV
Ch9=FC1,,0.0132725,µV
Ch10=FC2,,0.0114292,µV
Ch11=FC6,,0.0216681,µV
Ch12=T7,,0.0299631,µV
Ch13=C3,,0.0164892,µV
Ch14=Cz,,0.00442214,µV
Ch15=C4,,0.0184088,µV
Ch16=T8,,0.0182623,µV
Ch17=EOG,,0.0151219,µV
Ch18=CP5,,0.0233039,µV
Ch19=CP1,,0.00894193,µV
Ch20=CP2,,0.0104038,µV
Ch21=CP6,,0.0294778,µV
Ch22=Null,,0.000527973,µV
Ch23=P7,,0.0249092,µV
Ch24=P3,,0.0236,µV
Ch25=Pz,,0.0262551,µV
Ch26=P4,,0.030784,µV
Ch27=P8,,0.0226112,µV
Ch28=PO9,,0.0408002,µV
Ch29=O1,,0.0449324,µV
Ch30=Oz,,0.033314,µV
Ch31=O2,,0.034843,µV
Ch32=PO10,,0.0189398,µV

