Brain Vision Data Exchange Header File Version 1.0
; Data exported from BBCI Matlab Toolbox

[Common Infos]
DataFile=nVR_1_su0005.eeg
MarkerFile=nVR_1_su0005.vmrk
DataFormat=BINARY
DataOrientation=MULTIPLEXED
NumberOfChannels=32
DataPoints=258840
SamplingInterval=1000

[Binary Infos]
BinaryFormat=INT_16
UseBigEndianOrder=NO

[Channel Infos]
Ch1=Fp1,,0.0132023,µV
Ch2=Fp2,,0.0167974,µV
Ch3=F7,,0.0157018,µV
Ch4=F3,,0.0126103,µV
Ch5=Fz,,0.0127873,µV
Ch6=F4,,0.0142308,µV
Ch7=F8,,0.0151524,µV
Ch8=FC5,,0.0105228,µV
Ch9=FC1,,0.013712,µV
Ch10=FC2,,0.0147404,µV
Ch11=FC6,,0.0185553,µV
Ch12=T7,,0.0105686,µV
Ch13=C3,,0.0117893,µV
Ch14=Cz,,0.0116611,µV
Ch15=C4,,0.017658,µV
Ch16=T8,,0.0149785,µV
Ch17=EOG,,0.0138859,µV
Ch18=CP5,,0.0100772,µV
Ch19=CP1,,0.0122684,µV
Ch20=CP2,,0.014948,µV
Ch21=CP6,,0.0132481,µV
Ch22=Null,,0.000299084,µV
Ch23=P7,,0.00892362,µV
Ch24=P3,,0.0122654,µV
Ch25=Pz,,0.0147618,µV
Ch26=P4,,0.013892,µV
Ch27=P8,,0.00936613,µV
Ch28=PO9,,0.00840785,µV
Ch29=O1,,0.0119388,µV
Ch30=Oz,,0.0134434,µV
Ch31=O2,,0.0126957,µV
Ch32=PO10,,0.00906095,µV

