Brain Vision Data Exchange Header File Version 1.0
; Data exported from BBCI Matlab Toolbox

[Common Infos]
DataFile=VR_su0001.eeg
MarkerFile=VR_su0001.vmrk
DataFormat=BINARY
DataOrientation=MULTIPLEXED
NumberOfChannels=32
DataPoints=232120
SamplingInterval=1000

[Binary Infos]
BinaryFormat=INT_16
UseBigEndianOrder=NO

[Channel Infos]
Ch1=Fp1,,0.00702231,µV
Ch2=Fp2,,0.00686667,µV
Ch3=F7,,0.012006,µV
Ch4=F3,,0.00705588,µV
Ch5=Fz,,0.00508744,µV
Ch6=F4,,0.00680258,µV
Ch7=F8,,0.00543535,µV
Ch8=FC5,,0.00491348,µV
Ch9=FC1,,0.00412611,µV
Ch10=FC2,,0.00389111,µV
Ch11=FC6,,0.00719322,µV
Ch12=T7,,0.0180181,µV
Ch13=C3,,0.00388806,µV
Ch14=Cz,,0.00324717,µV
Ch15=C4,,0.00505692,µV
Ch16=T8,,0.00536821,µV
Ch17=EOG,,0.0140263,µV
Ch18=CP5,,0.00532853,µV
Ch19=CP1,,0.00305185,µV
Ch20=CP2,,0.00408033,µV
Ch21=CP6,,0.00597858,µV
Ch22=Null,,0.000433366,µV
Ch23=P7,,0.00426954,µV
Ch24=P3,,0.00617695,µV
Ch25=Pz,,0.00392774,µV
Ch26=P4,,0.00434889,µV
Ch27=P8,,0.00505387,µV
Ch28=PO9,,0.00479446,µV
Ch29=O1,,0.00349132,µV
Ch30=Oz,,0.00411085,µV
Ch31=O2,,0.00366528,µV
Ch32=PO10,,0.0038667,µV

