Brain Vision Data Exchange Header File Version 2.0
; Data created from history path: VR_ex13_su0014_e/Raw Data

[Common Infos]
Codepage=UTF-8
DataFile=VR_ex13_su0014_e.eeg
MarkerFile=VR_ex13_su0014_e.vmrk
DataFormat=ASCII
; Data orientation: VECTORIZED=ch1,pt1, ch1,pt2..., MULTIPLEXED=ch1,pt1, ch2,pt1 ...
DataOrientation=MULTIPLEXED
DataType=TIMEDOMAIN
NumberOfChannels=32
DataPoints=667000
; Sampling interval in microseconds if time domain (convert to Hertz:
; 1000000 / SamplingInterval) or in Hertz if frequency domain:
SamplingInterval=200

[User Infos]
; Each entry: Prop<Number>=<Type>,<Name>,<Value>,<Value2>,...,<ValueN>
; Property number must be unique. Types can be int, single, string, bool, byte, double, uint
; or arrays of those, indicated int-array etc
; Array types have more than one value, number of values determines size of array.
; Fields are delimited by commas, commas in strings are written \1

[ASCII Infos]
; Decimal symbol for floating point numbers: the header file always uses a dot (.),
; however the data file might use a different one
DecimalSymbol=.
; SkipLines, SkipColumns: leading lines and columns with additional information.
SkipLines=1
SkipColumns=0

[Channel Infos]
; Each entry: Ch<Channel number>=<Name>,<Reference channel name>,
; <Resolution in "Unit">,<Unit>, Future extensions...
; Fields are delimited by commas, some fields might be omitted (empty).
; Commas in channel names are coded as "\1".
Ch1=1,,,µV
Ch2=2,,,µV
Ch3=3,,,µV
Ch4=4,,,µV
Ch5=5,,,µV
Ch6=6,,,µV
Ch7=7,,,µV
Ch8=8,,,µV
Ch9=9,,,µV
Ch10=10,,,µV
Ch11=11,,,µV
Ch12=12,,,µV
Ch13=13,,,µV
Ch14=14,,,µV
Ch15=15,,,µV
Ch16=16,,,µV
Ch17=17,,,µV
Ch18=18,,,µV
Ch19=19,,,µV
Ch20=20,,,µV
Ch21=21,,,µV
Ch22=22,,,µV
Ch23=23,,,µV
Ch24=24,,,µV
Ch25=25,,,µV
Ch26=26,,,µV
Ch27=27,,,µV
Ch28=28,,,µV
Ch29=29,,,µV
Ch30=30,,,µV
Ch31=31,,,µV
Ch32=32,,,µV

[Channel User Infos]
; Each entry: Prop<Number>=Ch<ChannelNumber>,<Type>,<Name>,<Value>,<Value2>,...,<ValueN>
; Property number must be unique. Types can be int, single, string, bool, byte, double, uint
; or arrays of those, indicated int-array etc
; Array types have more than one value, number of values determines size of array.
; Fields are delimited by commas, commas in strings are written \1
; Properties are assigned to channels using their channel number.

[Coordinates]
; Each entry: Ch<Channel number>=<Radius>,<Theta>,<Phi>
Ch1=0,0,0
Ch2=0,0,0
Ch3=0,0,0
Ch4=0,0,0
Ch5=0,0,0
Ch6=0,0,0
Ch7=0,0,0
Ch8=0,0,0
Ch9=0,0,0
Ch10=0,0,0
Ch11=0,0,0
Ch12=0,0,0
Ch13=0,0,0
Ch14=0,0,0
Ch15=0,0,0
Ch16=0,0,0
Ch17=0,0,0
Ch18=0,0,0
Ch19=0,0,0
Ch20=0,0,0
Ch21=0,0,0
Ch22=0,0,0
Ch23=0,0,0
Ch24=0,0,0
Ch25=0,0,0
Ch26=0,0,0
Ch27=0,0,0
Ch28=0,0,0
Ch29=0,0,0
Ch30=0,0,0
Ch31=0,0,0
Ch32=0,0,0
