Brain Vision Data Exchange Header File Version 1.0
; Data exported from BBCI Matlab Toolbox

[Common Infos]
DataFile=VR_su0008.eeg
MarkerFile=VR_su0008.vmrk
DataFormat=BINARY
DataOrientation=MULTIPLEXED
NumberOfChannels=32
DataPoints=3143900
SamplingInterval=1000

[Binary Infos]
BinaryFormat=INT_16
UseBigEndianOrder=NO

[Channel Infos]
Ch1=Fp1,,0.0872311,µV
Ch2=Fp2,,0.0245155,µV
Ch3=F7,,0.0428571,µV
Ch4=F3,,0.1,µV
Ch5=Fz,,0.00195014,µV
Ch6=F4,,0.0210883,µV
Ch7=F8,,0.0953856,µV
Ch8=FC5,,0.0295724,µV
Ch9=FC1,,0.0128208,µV
Ch10=FC2,,0.00521867,µV
Ch11=FC6,,0.0203681,µV
Ch12=T7,,0.0685476,µV
Ch13=C3,,0.00787683,µV
Ch14=Cz,,0.0292306,µV
Ch15=C4,,0.00762658,µV
Ch16=T8,,0.0245613,µV
Ch17=EOG,,0.1,µV
Ch18=CP5,,0.0310221,µV
Ch19=CP1,,0.0347819,µV
Ch20=CP2,,0.1,µV
Ch21=CP6,,0.0696524,µV
Ch22=Null,,0.1,µV
Ch23=P7,,0.1,µV
Ch24=P3,,0.0397992,µV
Ch25=Pz,,0.0283914,µV
Ch26=P4,,0.1,µV
Ch27=P8,,0.0347118,µV
Ch28=PO9,,0.0550768,µV
Ch29=O1,,0.1,µV
Ch30=Oz,,0.1,µV
Ch31=O2,,0.1,µV
Ch32=PO10,,0.0428297,µV

