Brain Vision Data Exchange Header File Version 1.0
; Data exported from BBCI Matlab Toolbox

[Common Infos]
DataFile=VR_su0019.eeg
MarkerFile=VR_su0019.vmrk
DataFormat=BINARY
DataOrientation=MULTIPLEXED
NumberOfChannels=32
DataPoints=2857080
SamplingInterval=1000

[Binary Infos]
BinaryFormat=INT_16
UseBigEndianOrder=NO

[Channel Infos]
Ch1=Fp1,,0.1,µV
Ch2=Fp2,,0.1,µV
Ch3=F7,,0.0904477,µV
Ch4=F3,,0.0260659,µV
Ch5=Fz,,0.0180456,µV
Ch6=F4,,0.0736381,µV
Ch7=F8,,0.0230415,µV
Ch8=FC5,,0.0366283,µV
Ch9=FC1,,0.0314066,µV
Ch10=FC2,,0.0119968,µV
Ch11=FC6,,0.0337931,µV
Ch12=T7,,0.059566,µV
Ch13=C3,,0.0020478,µV
Ch14=Cz,,0.048616,µV
Ch15=C4,,0.0203192,µV
Ch16=T8,,0.0501999,µV
Ch17=EOG,,0.1,µV
Ch18=CP5,,0.0269845,µV
Ch19=CP1,,0.0327006,µV
Ch20=CP2,,0.00926542,µV
Ch21=CP6,,0.0210364,µV
Ch22=Null,,0.0011414,µV
Ch23=P7,,0.0331339,µV
Ch24=P3,,0.0130192,µV
Ch25=Pz,,0.0116398,µV
Ch26=P4,,0.0122929,µV
Ch27=P8,,0.0237281,µV
Ch28=PO9,,0.1,µV
Ch29=O1,,0.0677908,µV
Ch30=Oz,,0.0265511,µV
Ch31=O2,,0.0280099,µV
Ch32=PO10,,0.0504685,µV

