Brain Vision Data Exchange Header File Version 1.0
; Data exported from BBCI Matlab Toolbox

[Common Infos]
DataFile=VR_su0014.eeg
MarkerFile=VR_su0014.vmrk
DataFormat=BINARY
DataOrientation=MULTIPLEXED
NumberOfChannels=32
DataPoints=2903860
SamplingInterval=1000

[Binary Infos]
BinaryFormat=INT_16
UseBigEndianOrder=NO

[Channel Infos]
Ch1=Fp1,,0.0988861,µV
Ch2=Fp2,,0.0987304,µV
Ch3=F7,,0.0999542,µV
Ch4=F3,,0.0990722,µV
Ch5=Fz,,0.0238136,µV
Ch6=F4,,0.0989593,µV
Ch7=F8,,0.0984985,µV
Ch8=FC5,,0.0993194,µV
Ch9=FC1,,0.0984008,µV
Ch10=FC2,,0.0972625,µV
Ch11=FC6,,0.0989685,µV
Ch12=T7,,0.098825,µV
Ch13=C3,,0.0988739,µV
Ch14=Cz,,0.069274,µV
Ch15=C4,,0.0984466,µV
Ch16=T8,,0.097589,µV
Ch17=EOG,,0.0994446,µV
Ch18=CP5,,0.0989593,µV
Ch19=CP1,,0.0980529,µV
Ch20=CP2,,0.0889828,µV
Ch21=CP6,,0.0985992,µV
Ch22=Null,,0.00124211,µV
Ch23=P7,,0.0985717,µV
Ch24=P3,,0.0984558,µV
Ch25=Pz,,0.0986145,µV
Ch26=P4,,0.1,µV
Ch27=P8,,0.0983398,µV
Ch28=PO9,,0.0937742,µV
Ch29=O1,,0.0544603,µV
Ch30=Oz,,0.1,µV
Ch31=O2,,0.0985443,µV
Ch32=PO10,,0.1,µV

