Brain Vision Data Exchange Header File Version 1.0
; Data exported from BBCI Matlab Toolbox

[Common Infos]
DataFile=VR_su0020.eeg
MarkerFile=VR_su0020.vmrk
DataFormat=BINARY
DataOrientation=MULTIPLEXED
NumberOfChannels=32
DataPoints=2740980
SamplingInterval=1000

[Binary Infos]
BinaryFormat=INT_16
UseBigEndianOrder=NO

[Channel Infos]
Ch1=Fp1,,0.094406,µV
Ch2=Fp2,,0.1,µV
Ch3=F7,,0.0503098,µV
Ch4=F3,,0.0513779,µV
Ch5=Fz,,0.0084811,µV
Ch6=F4,,0.0588916,µV
Ch7=F8,,0.1,µV
Ch8=FC5,,0.0453902,µV
Ch9=FC1,,0.00784326,µV
Ch10=FC2,,0.00910367,µV
Ch11=FC6,,0.0495254,µV
Ch12=T7,,0.0439314,µV
Ch13=C3,,0.0179571,µV
Ch14=Cz,,0.00355846,µV
Ch15=C4,,0.0145085,µV
Ch16=T8,,0.0380841,µV
Ch17=EOG,,0.0203101,µV
Ch18=CP5,,0.0319956,µV
Ch19=CP1,,0.0106296,µV
Ch20=CP2,,0.00892972,µV
Ch21=CP6,,0.0331736,µV
Ch22=Null,,0.000662255,µV
Ch23=P7,,0.0307657,µV
Ch24=P3,,0.0156194,µV
Ch25=Pz,,0.019895,µV
Ch26=P4,,0.0103946,µV
Ch27=P8,,0.0441084,µV
Ch28=PO9,,0.1,µV
Ch29=O1,,0.064272,µV
Ch30=Oz,,0.1,µV
Ch31=O2,,0.1,µV
Ch32=PO10,,0.1,µV

