Brain Vision Data Exchange Header File Version 1.0
; Data exported from BBCI Matlab Toolbox

[Common Infos]
DataFile=VR_su0013.eeg
MarkerFile=VR_su0013.vmrk
DataFormat=BINARY
DataOrientation=MULTIPLEXED
NumberOfChannels=32
DataPoints=2848100
SamplingInterval=1000

[Binary Infos]
BinaryFormat=INT_16
UseBigEndianOrder=NO

[Channel Infos]
Ch1=Fp1,,0.0508896,µV
Ch2=Fp2,,0.0445601,µV
Ch3=F7,,0.1,µV
Ch4=F3,,0.0226783,µV
Ch5=Fz,,0.00784631,µV
Ch6=F4,,0.0592883,µV
Ch7=F8,,0.0578204,µV
Ch8=FC5,,0.073394,µV
Ch9=FC1,,0.1,µV
Ch10=FC2,,0.0222327,µV
Ch11=FC6,,0.0345592,µV
Ch12=T7,,0.1,µV
Ch13=C3,,0.1,µV
Ch14=Cz,,0.0385205,µV
Ch15=C4,,0.00975982,µV
Ch16=T8,,0.0524674,µV
Ch17=EOG,,0.1,µV
Ch18=CP5,,0.0265847,µV
Ch19=CP1,,0.0320902,µV
Ch20=CP2,,0.0202124,µV
Ch21=CP6,,0.0510086,µV
Ch22=Null,,0.000646995,µV
Ch23=P7,,0.00103458,µV
Ch24=P3,,0.0420392,µV
Ch25=Pz,,0.0297433,µV
Ch26=P4,,0.0782037,µV
Ch27=P8,,0.1,µV
Ch28=PO9,,0.0566515,µV
Ch29=O1,,0.00939665,µV
Ch30=Oz,,0.0150304,µV
Ch31=O2,,0.0158239,µV
Ch32=PO10,,0.0316416,µV

