Brain Vision Data Exchange Header File Version 1.0
; Data exported from BBCI Matlab Toolbox

[Common Infos]
DataFile=VR_su0011.eeg
MarkerFile=VR_su0011.vmrk
DataFormat=BINARY
DataOrientation=MULTIPLEXED
NumberOfChannels=32
DataPoints=2788700
SamplingInterval=1000

[Binary Infos]
BinaryFormat=INT_16
UseBigEndianOrder=NO

[Channel Infos]
Ch1=Fp1,,0.00763268,µV
Ch2=Fp2,,0.0842402,µV
Ch3=F7,,0.0619739,µV
Ch4=F3,,0.00708335,µV
Ch5=Fz,,0.0118809,µV
Ch6=F4,,0.0258492,µV
Ch7=F8,,0.0902097,µV
Ch8=FC5,,0.0219123,µV
Ch9=FC1,,0.00379956,µV
Ch10=FC2,,0.00951567,µV
Ch11=FC6,,0.0123417,µV
Ch12=T7,,0.0235176,µV
Ch13=C3,,0.1,µV
Ch14=Cz,,0.0273141,µV
Ch15=C4,,0.0100986,µV
Ch16=T8,,0.1,µV
Ch17=EOG,,0.1,µV
Ch18=CP5,,0.0174841,µV
Ch19=CP1,,0.0373547,µV
Ch20=CP2,,0.00854213,µV
Ch21=CP6,,0.0199225,µV
Ch22=Null,,0.00170294,µV
Ch23=P7,,0.0135838,µV
Ch24=P3,,0.0134251,µV
Ch25=Pz,,0.00711082,µV
Ch26=P4,,0.00754723,µV
Ch27=P8,,0.1,µV
Ch28=PO9,,0.1,µV
Ch29=O1,,0.0266274,µV
Ch30=Oz,,0.02678,µV
Ch31=O2,,0.036137,µV
Ch32=PO10,,0.0810389,µV

