Brain Vision Data Exchange Header File Version 1.0
; Data exported from BBCI Matlab Toolbox

[Common Infos]
DataFile=VR_su0010.eeg
MarkerFile=VR_su0010.vmrk
DataFormat=BINARY
DataOrientation=MULTIPLEXED
NumberOfChannels=32
DataPoints=3057940
SamplingInterval=1000

[Binary Infos]
BinaryFormat=INT_16
UseBigEndianOrder=NO

[Channel Infos]
Ch1=Fp1,,0.073928,µV
Ch2=Fp2,,0.0766015,µV
Ch3=F7,,0.0421857,µV
Ch4=F3,,0.0435133,µV
Ch5=Fz,,0.034138,µV
Ch6=F4,,0.0650624,µV
Ch7=F8,,0.0596759,µV
Ch8=FC5,,0.0369823,µV
Ch9=FC1,,0.1,µV
Ch10=FC2,,0.0403638,µV
Ch11=FC6,,0.0527177,µV
Ch12=T7,,0.1,µV
Ch13=C3,,0.1,µV
Ch14=Cz,,0.0423475,µV
Ch15=C4,,0.0539872,µV
Ch16=T8,,0.1,µV
Ch17=EOG,,0.1,µV
Ch18=CP5,,0.0465163,µV
Ch19=CP1,,0.1,µV
Ch20=CP2,,0.0360607,µV
Ch21=CP6,,0.0502976,µV
Ch22=Null,,0.0400098,µV
Ch23=P7,,0.0860622,µV
Ch24=P3,,0.1,µV
Ch25=Pz,,0.0471053,µV
Ch26=P4,,0.0437666,µV
Ch27=P8,,0.0699973,µV
Ch28=PO9,,0.1,µV
Ch29=O1,,0.1,µV
Ch30=Oz,,0.1,µV
Ch31=O2,,0.0934812,µV
Ch32=PO10,,0.1,µV

