Brain Vision Data Exchange Header File Version 1.0
; Created by the BrainAmpControl example(in CSharp)

[Common Infos]
Codepage=UTF-8
DataFile=VR_ex04_su06.eeg
MarkerFile=VR_ex04_su06.vmrk
DataFormat=BINARY
; Data orientation: MULTIPLEXED=ch1,pt1, ch2,pt1 ...
DataOrientation=MULTIPLEXED
NumberOfChannels=32
; Sampling interval in microseconds
SamplingInterval=1000

[Binary Infos]
BinaryFormat=INT_16

[Channel Infos]
; Each entry: Ch<Channel number>=<Name>,<Reference channel name>, 
; <Resolution in "Unit">,<Unit>, Future extensions..
; Fields are delimited by commas, some fields might be omitted (empty).
; Commas in channel names are coded as "\1". 
Ch1=Fp1,,0.1,µV
Ch2=Fp2,,0.1,µV
Ch3=F7,,0.1,µV
Ch4=F3,,0.1,µV
Ch5=Fz,,0.1,µV
Ch6=F4,,0.1,µV
Ch7=F8,,0.1,µV
Ch8=FC5,,0.1,µV
Ch9=FC1,,0.1,µV
Ch10=FC2,,0.1,µV
Ch11=FC6,,0.1,µV
Ch12=T7,,0.1,µV
Ch13=C3,,0.1,µV
Ch14=Cz,,0.1,µV
Ch15=C4,,0.1,µV
Ch16=T8,,0.1,µV
Ch17=EOG,,0.1,µV
Ch18=CP5,,0.1,µV
Ch19=CP1,,0.1,µV
Ch20=CP2,,0.1,µV
Ch21=CP6,,0.1,µV
Ch22=Null,,0.1,µV
Ch23=P7,,0.1,µV
Ch24=P3,,0.1,µV
Ch25=Pz,,0.1,µV
Ch26=P4,,0.1,µV
Ch27=P8,,0.1,µV
Ch28=PO9,,0.1,µV
Ch29=O1,,0.1,µV
Ch30=Oz,,0.1,µV
Ch31=O2,,0.1,µV
Ch32=PO10,,0.1,µV
