Brain Vision Data Exchange Header File Version 1.0
; Data exported from BBCI Matlab Toolbox

[Common Infos]
DataFile=fVR_3_su0009.eeg
MarkerFile=fVR_3_su0009.vmrk
DataFormat=BINARY
DataOrientation=MULTIPLEXED
NumberOfChannels=32
DataPoints=524720
SamplingInterval=1000

[Binary Infos]
BinaryFormat=INT_16
UseBigEndianOrder=NO

[Channel Infos]
Ch1=Fp1,,0.00778222,µV
Ch2=Fp2,,0.0117801,µV
Ch3=F7,,0.00610676,µV
Ch4=F3,,0.00408643,µV
Ch5=Fz,,0.00146794,µV
Ch6=F4,,0.00305185,µV
Ch7=F8,,0.00580768,µV
Ch8=FC5,,0.00403455,µV
Ch9=FC1,,0.00153814,µV
Ch10=FC2,,0.00260934,µV
Ch11=FC6,,0.00449233,µV
Ch12=T7,,0.0057619,µV
Ch13=C3,,0.00290537,µV
Ch14=Cz,,0.0022187,µV
Ch15=C4,,0.00348216,µV
Ch16=T8,,0.00828578,µV
Ch17=EOG,,0.0110782,µV
Ch18=CP5,,0.00406202,µV
Ch19=CP1,,0.00250557,µV
Ch20=CP2,,0.00247505,µV
Ch21=CP6,,0.00513627,µV
Ch22=Null,,0.000534077,µV
Ch23=P7,,0.00599079,µV
Ch24=P3,,0.00434584,µV
Ch25=Pz,,0.00398267,µV
Ch26=P4,,0.00463576,µV
Ch27=P8,,0.0104923,µV
Ch28=PO9,,0.04785,µV
Ch29=O1,,0.00823085,µV
Ch30=Oz,,0.00784326,µV
Ch31=O2,,0.00754723,µV
Ch32=PO10,,0.0493393,µV

