Brain Vision Data Exchange Header File Version 1.0
; Data exported from BBCI Matlab Toolbox

[Common Infos]
DataFile=nVR_3_su0008.eeg
MarkerFile=nVR_3_su0008.vmrk
DataFormat=BINARY
DataOrientation=MULTIPLEXED
NumberOfChannels=32
DataPoints=692900
SamplingInterval=1000

[Binary Infos]
BinaryFormat=INT_16
UseBigEndianOrder=NO

[Channel Infos]
Ch1=Fp1,,0.01554,µV
Ch2=Fp2,,0.00841701,µV
Ch3=F7,,0.00925932,µV
Ch4=F3,,0.0122898,µV
Ch5=Fz,,0.00317698,µV
Ch6=F4,,0.0113498,µV
Ch7=F8,,0.00955535,µV
Ch8=FC5,,0.00422682,µV
Ch9=FC1,,0.00305491,µV
Ch10=FC2,,0.00307627,µV
Ch11=FC6,,0.00842616,µV
Ch12=T7,,0.00907316,µV
Ch13=C3,,0.00430311,µV
Ch14=Cz,,0.00256051,µV
Ch15=C4,,0.00646077,µV
Ch16=T8,,0.00891446,µV
Ch17=EOG,,0.00919218,µV
Ch18=CP5,,0.00450454,µV
Ch19=CP1,,0.00412,µV
Ch20=CP2,,0.00230415,µV
Ch21=CP6,,0.00657064,µV
Ch22=Null,,0.000833158,µV
Ch23=P7,,0.00625935,µV
Ch24=P3,,0.003708,µV
Ch25=Pz,,0.00390942,µV
Ch26=P4,,0.00623799,µV
Ch27=P8,,0.00771508,µV
Ch28=PO9,,0.0126103,µV
Ch29=O1,,0.00432753,µV
Ch30=Oz,,0.00625019,µV
Ch31=O2,,0.00476089,µV
Ch32=PO10,,0.0182379,µV

