Brain Vision Data Exchange Header File Version 1.0
; Data exported from BBCI Matlab Toolbox

[Common Infos]
DataFile=nVR_3_su0011.eeg
MarkerFile=nVR_3_su0011.vmrk
DataFormat=BINARY
DataOrientation=MULTIPLEXED
NumberOfChannels=32
DataPoints=652840
SamplingInterval=1000

[Binary Infos]
BinaryFormat=INT_16
UseBigEndianOrder=NO

[Channel Infos]
Ch1=Fp1,,0.0151494,µV
Ch2=Fp2,,0.0163732,µV
Ch3=F7,,0.00842922,µV
Ch4=F3,,0.0041963,µV
Ch5=Fz,,0.00274057,µV
Ch6=F4,,0.00390027,µV
Ch7=F8,,0.00662862,µV
Ch8=FC5,,0.0272103,µV
Ch9=FC1,,0.00216682,µV
Ch10=FC2,,0.00251778,µV
Ch11=FC6,,0.00585345,µV
Ch12=T7,,0.00524919,µV
Ch13=C3,,0.00253609,µV
Ch14=Cz,,0.00200507,µV
Ch15=C4,,0.00301828,µV
Ch16=T8,,0.00580768,µV
Ch17=EOG,,0.00952483,µV
Ch18=CP5,,0.00349437,µV
Ch19=CP1,,0.00275888,µV
Ch20=CP2,,0.00326548,µV
Ch21=CP6,,0.00562151,µV
Ch22=Null,,0.00101017,µV
Ch23=P7,,0.00583209,µV
Ch24=P3,,0.00416578,µV
Ch25=Pz,,0.00330821,µV
Ch26=P4,,0.00475479,µV
Ch27=P8,,0.0128513,µV
Ch28=PO9,,0.00985443,µV
Ch29=O1,,0.00431837,µV
Ch30=Oz,,0.00449233,µV
Ch31=O2,,0.00454421,µV
Ch32=PO10,,0.0108249,µV

