Brain Vision Data Exchange Header File Version 1.0
; Data exported from BBCI Matlab Toolbox

[Common Infos]
DataFile=nVR_3_su0005.eeg
MarkerFile=nVR_3_su0005.vmrk
DataFormat=BINARY
DataOrientation=MULTIPLEXED
NumberOfChannels=32
DataPoints=281380
SamplingInterval=1000

[Binary Infos]
BinaryFormat=INT_16
UseBigEndianOrder=NO

[Channel Infos]
Ch1=Fp1,,0.0705893,µV
Ch2=Fp2,,0.0749748,µV
Ch3=F7,,0.0675008,µV
Ch4=F3,,0.0701804,µV
Ch5=Fz,,0.0708274,µV
Ch6=F4,,0.0711631,µV
Ch7=F8,,0.0690725,µV
Ch8=FC5,,0.0704001,µV
Ch9=FC1,,0.0685934,µV
Ch10=FC2,,0.0693106,µV
Ch11=FC6,,0.0689138,µV
Ch12=T7,,0.0674734,µV
Ch13=C3,,0.0704489,µV
Ch14=Cz,,0.0715964,µV
Ch15=C4,,0.0693136,µV
Ch16=T8,,0.0711814,µV
Ch17=EOG,,0.0691641,µV
Ch18=CP5,,0.0709708,µV
Ch19=CP1,,0.0689688,µV
Ch20=CP2,,0.0700308,µV
Ch21=CP6,,0.0681814,µV
Ch22=Null,,0.00063784,µV
Ch23=P7,,0.0693777,µV
Ch24=P3,,0.0696951,µV
Ch25=Pz,,0.0678671,µV
Ch26=P4,,0.0691427,µV
Ch27=P8,,0.0650807,µV
Ch28=PO9,,0.1,µV
Ch29=O1,,0.0715293,µV
Ch30=Oz,,0.0655568,µV
Ch31=O2,,0.0665334,µV
Ch32=PO10,,0.1,µV

