Brain Vision Data Exchange Header File Version 1.0
; Data exported from BBCI Matlab Toolbox

[Common Infos]
DataFile=nVR_3_su0007.eeg
MarkerFile=nVR_3_su0007.vmrk
DataFormat=BINARY
DataOrientation=MULTIPLEXED
NumberOfChannels=32
DataPoints=457660
SamplingInterval=1000

[Binary Infos]
BinaryFormat=INT_16
UseBigEndianOrder=NO

[Channel Infos]
Ch1=Fp1,,0.1,µV
Ch2=Fp2,,0.1,µV
Ch3=F7,,0.0417158,µV
Ch4=F3,,0.0282357,µV
Ch5=Fz,,0.00779748,µV
Ch6=F4,,0.0238868,µV
Ch7=F8,,0.0350414,µV
Ch8=FC5,,0.0349315,µV
Ch9=FC1,,0.0142613,µV
Ch10=FC2,,0.0139134,µV
Ch11=FC6,,0.037318,µV
Ch12=T7,,0.0442183,µV
Ch13=C3,,0.0198218,µV
Ch14=Cz,,0.00460525,µV
Ch15=C4,,0.0279672,µV
Ch16=T8,,0.0227149,µV
Ch17=EOG,,0.0338542,µV
Ch18=CP5,,0.0433363,µV
Ch19=CP1,,0.00866116,µV
Ch20=CP2,,0.0100131,µV
Ch21=CP6,,0.0372662,µV
Ch22=Null,,0.000582907,µV
Ch23=P7,,0.0407331,µV
Ch24=P3,,0.0191961,µV
Ch25=Pz,,0.0281991,µV
Ch26=P4,,0.0322886,µV
Ch27=P8,,0.0261696,µV
Ch28=PO9,,0.0528367,µV
Ch29=O1,,0.0734245,µV
Ch30=Oz,,0.0349681,µV
Ch31=O2,,0.0409162,µV
Ch32=PO10,,0.1,µV

