Brain Vision Data Exchange Header File Version 2.0
; Data created from history path: pTIN_su0001/Raw Data/Edit Markers/Topographic Interpolation/Filters/Formula Evaluator/OcularCorrection/Segmentation_11/Baseline Correction/Artifact Rejection_11

[Common Infos]
Codepage=UTF-8
DataFile=pTIN_su0001_11.eeg
MarkerFile=pTIN_su0001_11.vmrk
DataFormat=ASCII
; Data orientation: VECTORIZED=ch1,pt1, ch1,pt2..., MULTIPLEXED=ch1,pt1, ch2,pt1 ...
DataOrientation=MULTIPLEXED
DataType=TIMEDOMAIN
NumberOfChannels=32
DataPoints=111000
; Sampling interval in microseconds if time domain (convert to Hertz:
; 1000000 / SamplingInterval) or in Hertz if frequency domain:
SamplingInterval=1000
SegmentationType=MARKERBASED
SegmentDataPoints=1500

[User Infos]
; Each entry: Prop<Number>=<Type>,<Name>,<Value>,<Value2>,...,<ValueN>
; Property number must be unique. Types can be int, single, string, bool, byte, double, uint
; or arrays of those, indicated int-array etc
; Array types have more than one value, number of values determines size of array.
; Fields are delimited by commas, commas in strings are written \1

[ASCII Infos]
; Decimal symbol for floating point numbers: the header file always uses a dot (.),
; however the data file might use a different one
DecimalSymbol=.
; SkipLines, SkipColumns: leading lines and columns with additional information.
SkipLines=1
SkipColumns=0

[Channel Infos]
; Each entry: Ch<Channel number>=<Name>,<Reference channel name>,
; <Resolution in "Unit">,<Unit>, Future extensions...
; Fields are delimited by commas, some fields might be omitted (empty).
; Commas in channel names are coded as "\1".
Ch1=Fp1,,,µV
Ch2=Fp2,,,µV
Ch3=F7,,,µV
Ch4=F3,,,µV
Ch5=Fz,,,µV
Ch6=F4,,,µV
Ch7=F8,,,µV
Ch8=FC5,,,µV
Ch9=FC1,,,µV
Ch10=FC2,,,µV
Ch11=FC6,,,µV
Ch12=T7,,,µV
Ch13=C3,,,µV
Ch14=Cz,,,µV
Ch15=C4,,,µV
Ch16=T8,,,µV
Ch17=EOG,,,µV
Ch18=CP5,,,µV
Ch19=CP1,,,µV
Ch20=CP2,,,µV
Ch21=CP6,,,µV
Ch22=Null,,,µV
Ch23=P7,,,µV
Ch24=P3,,,µV
Ch25=Pz,,,µV
Ch26=P4,,,µV
Ch27=P8,,,µV
Ch28=PO9,,,µV
Ch29=O1,,,µV
Ch30=Oz,,,µV
Ch31=O2,,,µV
Ch32=PO10,,,µV

[Channel User Infos]
; Each entry: Prop<Number>=Ch<ChannelNumber>,<Type>,<Name>,<Value>,<Value2>,...,<ValueN>
; Property number must be unique. Types can be int, single, string, bool, byte, double, uint
; or arrays of those, indicated int-array etc
; Array types have more than one value, number of values determines size of array.
; Fields are delimited by commas, commas in strings are written \1
; Properties are assigned to channels using their channel number.

[Coordinates]
; Each entry: Ch<Channel number>=<Radius>,<Theta>,<Phi>
Ch1=1,-90,-72
Ch2=1,90,72
Ch3=1,-90,-36
Ch4=1,-60,-51
Ch5=1,45,90
Ch6=1,60,51
Ch7=1,90,36
Ch8=1,-69,-21
Ch9=1,-31,-46
Ch10=1,31,46
Ch11=1,69,21
Ch12=1,-90,0
Ch13=1,-45,0
Ch14=1,0,0
Ch15=1,45,0
Ch16=1,90,0
Ch17=0,0,0
Ch18=1,-69,21
Ch19=1,-31,46
Ch20=1,31,-46
Ch21=1,69,-21
Ch22=0,0,0
Ch23=1,-90,36
Ch24=1,-60,51
Ch25=1,45,-90
Ch26=1,60,-51
Ch27=1,90,-36
Ch28=1,-113,54
Ch29=1,-90,72
Ch30=1,90,-90
Ch31=1,90,-72
Ch32=1,113,-54
