Brain Vision Data Exchange Header File Version 1.0
; Data exported from BBCI Matlab Toolbox

[Common Infos]
DataFile=0101_su04.eeg
MarkerFile=0101_su04.vmrk
DataFormat=BINARY
DataOrientation=MULTIPLEXED
NumberOfChannels=32
DataPoints=494000
SamplingInterval=200

[Binary Infos]
BinaryFormat=INT_16
UseBigEndianOrder=NO

[Channel Infos]
Ch1=Fp1,,0.0217719,µV
Ch2=Fp2,,0.0264016,µV
Ch3=F7,,0.0118564,µV
Ch4=F3,,0.0207862,µV
Ch5=Fz,,0.0207862,µV
Ch6=F4,,0.0207862,µV
Ch7=F8,,0.0207862,µV
Ch8=FC5,,0.0207862,µV
Ch9=FC1,,0.0145482,µV
Ch10=FC2,,0.00759606,µV
Ch11=FC6,,0.00506913,µV
Ch12=T7,,0.00412305,µV
Ch13=C3,,0.0207862,µV
Ch14=Cz,,0.0207862,µV
Ch15=C4,,0.0207862,µV
Ch16=T8,,0.0207862,µV
Ch17=EOG,,0.018366,µV
Ch18=CP5,,0.00873135,µV
Ch19=CP1,,0.00336925,µV
Ch20=CP2,,0.00413526,µV
Ch21=CP6,,0.0207862,µV
Ch22=Null,,0.0207862,µV
Ch23=P7,,0.0207862,µV
Ch24=P3,,0.0207862,µV
Ch25=Pz,,0.00684225,µV
Ch26=P4,,0.0136265,µV
Ch27=P8,,0.0017243,µV
Ch28=PO9,,0.005356,µV
Ch29=O1,,0.0207862,µV
Ch30=Oz,,0.0207862,µV
Ch31=O2,,0.0207862,µV
Ch32=PO10,,0.0207862,µV

