Brain Vision Data Exchange Header File Version 1.0
; Data exported from BBCI Matlab Toolbox

[Common Infos]
DataFile=0101_su06.eeg
MarkerFile=0101_su06.vmrk
DataFormat=BINARY
DataOrientation=MULTIPLEXED
NumberOfChannels=32
DataPoints=744000
SamplingInterval=200

[Binary Infos]
BinaryFormat=INT_16
UseBigEndianOrder=NO

[Channel Infos]
Ch1=Fp1,,0.00372021,µV
Ch2=Fp2,,0.00836207,µV
Ch3=F7,,0.010062,µV
Ch4=F3,,0.00982696,µV
Ch5=Fz,,0.00982696,µV
Ch6=F4,,0.00982696,µV
Ch7=F8,,0.00982696,µV
Ch8=FC5,,0.00982696,µV
Ch9=FC1,,0.00353405,µV
Ch10=FC2,,0.00514237,µV
Ch11=FC6,,0.0065859,µV
Ch12=T7,,0.0036195,µV
Ch13=C3,,0.00982696,µV
Ch14=Cz,,0.00982696,µV
Ch15=C4,,0.00982696,µV
Ch16=T8,,0.00982696,µV
Ch17=EOG,,0.00407728,µV
Ch18=CP5,,0.00355541,µV
Ch19=CP1,,0.00553301,µV
Ch20=CP2,,0.0113529,µV
Ch21=CP6,,0.00982696,µV
Ch22=Null,,0.00982696,µV
Ch23=P7,,0.00982696,µV
Ch24=P3,,0.00982696,µV
Ch25=Pz,,0.00384839,µV
Ch26=P4,,0.0024659,µV
Ch27=P8,,0.00289011,µV
Ch28=PO9,,0.00323802,µV
Ch29=O1,,0.00982696,µV
Ch30=Oz,,0.00982696,µV
Ch31=O2,,0.00982696,µV
Ch32=PO10,,0.00982696,µV

