Brain Vision Data Exchange Header File Version 1.0
; Data exported from BBCI Matlab Toolbox

[Common Infos]
DataFile=0101_su05.eeg
MarkerFile=0101_su05.vmrk
DataFormat=BINARY
DataOrientation=MULTIPLEXED
NumberOfChannels=32
DataPoints=494000
SamplingInterval=200

[Binary Infos]
BinaryFormat=INT_16
UseBigEndianOrder=NO

[Channel Infos]
Ch1=Fp1,,0.00958282,µV
Ch2=Fp2,,0.011652,µV
Ch3=F7,,0.00875882,µV
Ch4=F3,,0.014066,µV
Ch5=Fz,,0.014066,µV
Ch6=F4,,0.014066,µV
Ch7=F8,,0.014066,µV
Ch8=FC5,,0.014066,µV
Ch9=FC1,,0.0139012,µV
Ch10=FC2,,0.00743431,µV
Ch11=FC6,,0.0061037,µV
Ch12=T7,,0.00332652,µV
Ch13=C3,,0.014066,µV
Ch14=Cz,,0.014066,µV
Ch15=C4,,0.014066,µV
Ch16=T8,,0.014066,µV
Ch17=EOG,,0.0103427,µV
Ch18=CP5,,0.00987579,µV
Ch19=CP1,,0.00187994,µV
Ch20=CP2,,0.00601825,µV
Ch21=CP6,,0.014066,µV
Ch22=Null,,0.014066,µV
Ch23=P7,,0.014066,µV
Ch24=P3,,0.014066,µV
Ch25=Pz,,0.0172155,µV
Ch26=P4,,0.0105838,µV
Ch27=P8,,0.00102237,µV
Ch28=PO9,,0.0109806,µV
Ch29=O1,,0.014066,µV
Ch30=Oz,,0.014066,µV
Ch31=O2,,0.014066,µV
Ch32=PO10,,0.014066,µV

