Brain Vision Data Exchange Header File Version 1.0
; Data exported from BBCI Matlab Toolbox

[Common Infos]
DataFile=0101_su08.eeg
MarkerFile=0101_su08.vmrk
DataFormat=BINARY
DataOrientation=MULTIPLEXED
NumberOfChannels=32
DataPoints=494000
SamplingInterval=200

[Binary Infos]
BinaryFormat=INT_16
UseBigEndianOrder=NO

[Channel Infos]
Ch1=Fp1,,0.0588519,µV
Ch2=Fp2,,0.00548418,µV
Ch3=F7,,0.0161138,µV
Ch4=F3,,0.0157659,µV
Ch5=Fz,,0.0157659,µV
Ch6=F4,,0.0157659,µV
Ch7=F8,,0.0157659,µV
Ch8=FC5,,0.0157659,µV
Ch9=FC1,,0.0167821,µV
Ch10=FC2,,0.0102054,µV
Ch11=FC6,,0.00517289,µV
Ch12=T7,,0.00393079,µV
Ch13=C3,,0.0157659,µV
Ch14=Cz,,0.0157659,µV
Ch15=C4,,0.0157659,µV
Ch16=T8,,0.0157659,µV
Ch17=EOG,,0.00535905,µV
Ch18=CP5,,0.00451064,µV
Ch19=CP1,,0.00275582,µV
Ch20=CP2,,0.0105991,µV
Ch21=CP6,,0.0157659,µV
Ch22=Null,,0.0157659,µV
Ch23=P7,,0.0157659,µV
Ch24=P3,,0.0157659,µV
Ch25=Pz,,0.00422376,µV
Ch26=P4,,0.00316782,µV
Ch27=P8,,0.00423292,µV
Ch28=PO9,,0.00557573,µV
Ch29=O1,,0.0157659,µV
Ch30=Oz,,0.0157659,µV
Ch31=O2,,0.0157659,µV
Ch32=PO10,,0.0157659,µV

