Brain Vision Data Exchange Header File Version 1.0
; Data exported from BBCI Matlab Toolbox

[Common Infos]
DataFile=0101_su03.eeg
MarkerFile=0101_su03.vmrk
DataFormat=BINARY
DataOrientation=MULTIPLEXED
NumberOfChannels=32
DataPoints=496000
SamplingInterval=200

[Binary Infos]
BinaryFormat=INT_16
UseBigEndianOrder=NO

[Channel Infos]
Ch1=Fp1,,0.0124363,µV
Ch2=Fp2,,0.0119633,µV
Ch3=F7,,0.0179235,µV
Ch4=F3,,0.024662,µV
Ch5=Fz,,0.024662,µV
Ch6=F4,,0.024662,µV
Ch7=F8,,0.024662,µV
Ch8=FC5,,0.024662,µV
Ch9=FC1,,0.0175573,µV
Ch10=FC2,,0.00967132,µV
Ch11=FC6,,0.0172979,µV
Ch12=T7,,0.0143132,µV
Ch13=C3,,0.024662,µV
Ch14=Cz,,0.024662,µV
Ch15=C4,,0.024662,µV
Ch16=T8,,0.024662,µV
Ch17=EOG,,0.012186,µV
Ch18=CP5,,0.0117344,µV
Ch19=CP1,,0.00448622,µV
Ch20=CP2,,0.0105594,µV
Ch21=CP6,,0.024662,µV
Ch22=Null,,0.024662,µV
Ch23=P7,,0.024662,µV
Ch24=P3,,0.024662,µV
Ch25=Pz,,0.0125401,µV
Ch26=P4,,0.0102908,µV
Ch27=P8,,0.00474563,µV
Ch28=PO9,,0.00759301,µV
Ch29=O1,,0.024662,µV
Ch30=Oz,,0.024662,µV
Ch31=O2,,0.024662,µV
Ch32=PO10,,0.024662,µV

