Brain Vision Data Exchange Header File Version 1.0
; Data exported from BBCI Matlab Toolbox

[Common Infos]
DataFile=0101_su01.eeg
MarkerFile=0101_su01.vmrk
DataFormat=BINARY
DataOrientation=MULTIPLEXED
NumberOfChannels=32
DataPoints=494000
SamplingInterval=200

[Binary Infos]
BinaryFormat=INT_16
UseBigEndianOrder=NO

[Channel Infos]
Ch1=Fp1,,0.0035432,µV
Ch2=Fp2,,0.00415052,µV
Ch3=F7,,0.00492874,µV
Ch4=F3,,0.00571612,µV
Ch5=Fz,,0.00571612,µV
Ch6=F4,,0.00571612,µV
Ch7=F8,,0.00571612,µV
Ch8=FC5,,0.00571612,µV
Ch9=FC1,,0.00336619,µV
Ch10=FC2,,0.00430311,µV
Ch11=FC6,,0.00273446,µV
Ch12=T7,,0.00137028,µV
Ch13=C3,,0.00571612,µV
Ch14=Cz,,0.00571612,µV
Ch15=C4,,0.00571612,µV
Ch16=T8,,0.00571612,µV
Ch17=EOG,,0.00497452,µV
Ch18=CP5,,0.00288095,µV
Ch19=CP1,,0.00336619,µV
Ch20=CP2,,0.00182806,µV
Ch21=CP6,,0.00571612,µV
Ch22=Null,,0.00571612,µV
Ch23=P7,,0.00571612,µV
Ch24=P3,,0.00571612,µV
Ch25=Pz,,0.00435194,µV
Ch26=P4,,0.00266732,µV
Ch27=P8,,0.00245064,µV
Ch28=PO9,,0.0023011,µV
Ch29=O1,,0.00571612,µV
Ch30=Oz,,0.00571612,µV
Ch31=O2,,0.00571612,µV
Ch32=PO10,,0.00571612,µV

