Brain Vision Data Exchange Header File Version 1.0
; Data exported from BBCI Matlab Toolbox

[Common Infos]
DataFile=0102_su04.eeg
MarkerFile=0102_su04.vmrk
DataFormat=BINARY
DataOrientation=MULTIPLEXED
NumberOfChannels=32
DataPoints=494000
SamplingInterval=200

[Binary Infos]
BinaryFormat=INT_16
UseBigEndianOrder=NO

[Channel Infos]
Ch1=Fp1,,0.0187597,µV
Ch2=Fp2,,0.0624805,µV
Ch3=F7,,0.0139348,µV
Ch4=F3,,0.0162572,µV
Ch5=Fz,,0.0162572,µV
Ch6=F4,,0.0162572,µV
Ch7=F8,,0.0162572,µV
Ch8=FC5,,0.0162572,µV
Ch9=FC1,,0.0369335,µV
Ch10=FC2,,0.0443983,µV
Ch11=FC6,,0.012302,µV
Ch12=T7,,0.00628987,µV
Ch13=C3,,0.0162572,µV
Ch14=Cz,,0.0162572,µV
Ch15=C4,,0.0162572,µV
Ch16=T8,,0.0162572,µV
Ch17=EOG,,0.0635151,µV
Ch18=CP5,,0.0268319,µV
Ch19=CP1,,0.00702842,µV
Ch20=CP2,,0.00689108,µV
Ch21=CP6,,0.0162572,µV
Ch22=Null,,0.0162572,µV
Ch23=P7,,0.0162572,µV
Ch24=P3,,0.0162572,µV
Ch25=Pz,,0.0192145,µV
Ch26=P4,,0.0174017,µV
Ch27=P8,,0.00268868,µV
Ch28=PO9,,0.0361644,µV
Ch29=O1,,0.0162572,µV
Ch30=Oz,,0.0162572,µV
Ch31=O2,,0.0162572,µV
Ch32=PO10,,0.0162572,µV

