Brain Vision Data Exchange Header File Version 1.0
; Data exported from BBCI Matlab Toolbox

[Common Infos]
DataFile=0102_su07.eeg
MarkerFile=0102_su07.vmrk
DataFormat=BINARY
DataOrientation=MULTIPLEXED
NumberOfChannels=32
DataPoints=494000
SamplingInterval=200

[Binary Infos]
BinaryFormat=INT_16
UseBigEndianOrder=NO

[Channel Infos]
Ch1=Fp1,,0.00437636,µV
Ch2=Fp2,,0.009064,µV
Ch3=F7,,0.00725425,µV
Ch4=F3,,0.00996124,µV
Ch5=Fz,,0.00996124,µV
Ch6=F4,,0.00996124,µV
Ch7=F8,,0.00996124,µV
Ch8=FC5,,0.00996124,µV
Ch9=FC1,,0.00736412,µV
Ch10=FC2,,0.00889615,µV
Ch11=FC6,,0.00455642,µV
Ch12=T7,,0.00208137,µV
Ch13=C3,,0.00996124,µV
Ch14=Cz,,0.00996124,µV
Ch15=C4,,0.00996124,µV
Ch16=T8,,0.00996124,µV
Ch17=EOG,,0.0134129,µV
Ch18=CP5,,0.00647908,µV
Ch19=CP1,,0.00174566,µV
Ch20=CP2,,0.00607013,µV
Ch21=CP6,,0.00996124,µV
Ch22=Null,,0.00996124,µV
Ch23=P7,,0.00996124,µV
Ch24=P3,,0.00996124,µV
Ch25=Pz,,0.00956756,µV
Ch26=P4,,0.00408338,µV
Ch27=P8,,0.0022187,µV
Ch28=PO9,,0.00325328,µV
Ch29=O1,,0.00996124,µV
Ch30=Oz,,0.00996124,µV
Ch31=O2,,0.00996124,µV
Ch32=PO10,,0.00996124,µV

