Brain Vision Data Exchange Header File Version 1.0
; Data exported from BBCI Matlab Toolbox

[Common Infos]
DataFile=0103_su07.eeg
MarkerFile=0103_su07.vmrk
DataFormat=BINARY
DataOrientation=MULTIPLEXED
NumberOfChannels=32
DataPoints=594000
SamplingInterval=200

[Binary Infos]
BinaryFormat=INT_16
UseBigEndianOrder=NO

[Channel Infos]
Ch1=Fp1,,0.00368359,µV
Ch2=Fp2,,0.00847499,µV
Ch3=F7,,0.00845363,µV
Ch4=F3,,0.00812098,µV
Ch5=Fz,,0.00812098,µV
Ch6=F4,,0.00812098,µV
Ch7=F8,,0.00812098,µV
Ch8=FC5,,0.00812098,µV
Ch9=FC1,,0.00532548,µV
Ch10=FC2,,0.00866421,µV
Ch11=FC6,,0.00424513,µV
Ch12=T7,,0.00151067,µV
Ch13=C3,,0.00812098,µV
Ch14=Cz,,0.00812098,µV
Ch15=C4,,0.00812098,µV
Ch16=T8,,0.00812098,µV
Ch17=EOG,,0.00625325,µV
Ch18=CP5,,0.00715659,µV
Ch19=CP1,,0.00176702,µV
Ch20=CP2,,0.00460525,µV
Ch21=CP6,,0.00812098,µV
Ch22=Null,,0.00812098,µV
Ch23=P7,,0.00812098,µV
Ch24=P3,,0.00812098,µV
Ch25=Pz,,0.00798365,µV
Ch26=P4,,0.00274057,µV
Ch27=P8,,0.00210273,µV
Ch28=PO9,,0.0023835,µV
Ch29=O1,,0.00812098,µV
Ch30=Oz,,0.00812098,µV
Ch31=O2,,0.00812098,µV
Ch32=PO10,,0.00812098,µV

