Brain Vision Data Exchange Header File Version 1.0
; Data exported from BBCI Matlab Toolbox

[Common Infos]
DataFile=0103_su03.eeg
MarkerFile=0103_su03.vmrk
DataFormat=BINARY
DataOrientation=MULTIPLEXED
NumberOfChannels=32
DataPoints=494000
SamplingInterval=200

[Binary Infos]
BinaryFormat=INT_16
UseBigEndianOrder=NO

[Channel Infos]
Ch1=Fp1,,0.0109928,µV
Ch2=Fp2,,0.0142491,µV
Ch3=F7,,0.0162938,µV
Ch4=F3,,0.0197943,µV
Ch5=Fz,,0.0197943,µV
Ch6=F4,,0.0197943,µV
Ch7=F8,,0.0197943,µV
Ch8=FC5,,0.0197943,µV
Ch9=FC1,,0.017304,µV
Ch10=FC2,,0.0195929,µV
Ch11=FC6,,0.0107028,µV
Ch12=T7,,0.00917997,µV
Ch13=C3,,0.0197943,µV
Ch14=Cz,,0.0197943,µV
Ch15=C4,,0.0197943,µV
Ch16=T8,,0.0197943,µV
Ch17=EOG,,0.00884427,µV
Ch18=CP5,,0.00511796,µV
Ch19=CP1,,0.00511796,µV
Ch20=CP2,,0.0097171,µV
Ch21=CP6,,0.0197943,µV
Ch22=Null,,0.0197943,µV
Ch23=P7,,0.0197943,µV
Ch24=P3,,0.0197943,µV
Ch25=Pz,,0.00541093,µV
Ch26=P4,,0.00848415,µV
Ch27=P8,,0.00350658,µV
Ch28=PO9,,0.00599689,µV
Ch29=O1,,0.0197943,µV
Ch30=Oz,,0.0197943,µV
Ch31=O2,,0.0197943,µV
Ch32=PO10,,0.0197943,µV

