Brain Vision Data Exchange Header File Version 1.0
; Data exported from BBCI Matlab Toolbox

[Common Infos]
DataFile=0103_su06.eeg
MarkerFile=0103_su06.vmrk
DataFormat=BINARY
DataOrientation=MULTIPLEXED
NumberOfChannels=32
DataPoints=744000
SamplingInterval=200

[Binary Infos]
BinaryFormat=INT_16
UseBigEndianOrder=NO

[Channel Infos]
Ch1=Fp1,,0.00530107,µV
Ch2=Fp2,,0.00982391,µV
Ch3=F7,,0.0163183,µV
Ch4=F3,,0.0141362,µV
Ch5=Fz,,0.0141362,µV
Ch6=F4,,0.0141362,µV
Ch7=F8,,0.0141362,µV
Ch8=FC5,,0.0141362,µV
Ch9=FC1,,0.00348522,µV
Ch10=FC2,,0.00771203,µV
Ch11=FC6,,0.00653707,µV
Ch12=T7,,0.00450454,µV
Ch13=C3,,0.0141362,µV
Ch14=Cz,,0.0141362,µV
Ch15=C4,,0.0141362,µV
Ch16=T8,,0.0141362,µV
Ch17=EOG,,0.00390637,µV
Ch18=CP5,,0.00448012,µV
Ch19=CP1,,0.00524003,µV
Ch20=CP2,,0.0111087,µV
Ch21=CP6,,0.0141362,µV
Ch22=Null,,0.0141362,µV
Ch23=P7,,0.0141362,µV
Ch24=P3,,0.0141362,µV
Ch25=Pz,,0.00572833,µV
Ch26=P4,,0.00407117,µV
Ch27=P8,,0.00378125,µV
Ch28=PO9,,0.0040376,µV
Ch29=O1,,0.0141362,µV
Ch30=Oz,,0.0141362,µV
Ch31=O2,,0.0141362,µV
Ch32=PO10,,0.0141362,µV

