Brain Vision Data Exchange Header File Version 1.0
; Data exported from BBCI Matlab Toolbox

[Common Infos]
DataFile=0104_su07.eeg
MarkerFile=0104_su07.vmrk
DataFormat=BINARY
DataOrientation=MULTIPLEXED
NumberOfChannels=32
DataPoints=594000
SamplingInterval=200

[Binary Infos]
BinaryFormat=INT_16
UseBigEndianOrder=NO

[Channel Infos]
Ch1=Fp1,,0.00801416,µV
Ch2=Fp2,,0.0105777,µV
Ch3=F7,,0.0109684,µV
Ch4=F3,,0.0128788,µV
Ch5=Fz,,0.0128788,µV
Ch6=F4,,0.0128788,µV
Ch7=F8,,0.0128788,µV
Ch8=FC5,,0.0128788,µV
Ch9=FC1,,0.0162297,µV
Ch10=FC2,,0.0165654,µV
Ch11=FC6,,0.00769067,µV
Ch12=T7,,0.00453505,µV
Ch13=C3,,0.0128788,µV
Ch14=Cz,,0.0128788,µV
Ch15=C4,,0.0128788,µV
Ch16=T8,,0.0128788,µV
Ch17=EOG,,0.0209418,µV
Ch18=CP5,,0.0116153,µV
Ch19=CP1,,0.00421461,µV
Ch20=CP2,,0.00937529,µV
Ch21=CP6,,0.0128788,µV
Ch22=Null,,0.0128788,µV
Ch23=P7,,0.0128788,µV
Ch24=P3,,0.0128788,µV
Ch25=Pz,,0.0125889,µV
Ch26=P4,,0.00956145,µV
Ch27=P8,,0.0041139,µV
Ch28=PO9,,0.0131077,µV
Ch29=O1,,0.0128788,µV
Ch30=Oz,,0.0128788,µV
Ch31=O2,,0.0128788,µV
Ch32=PO10,,0.0128788,µV

