Brain Vision Data Exchange Header File Version 1.0
; Data exported from BBCI Matlab Toolbox

[Common Infos]
DataFile=0104_su08.eeg
MarkerFile=0104_su08.vmrk
DataFormat=BINARY
DataOrientation=MULTIPLEXED
NumberOfChannels=32
DataPoints=594000
SamplingInterval=200

[Binary Infos]
BinaryFormat=INT_16
UseBigEndianOrder=NO

[Channel Infos]
Ch1=Fp1,,0.0745201,µV
Ch2=Fp2,,0.00661336,µV
Ch3=F7,,0.0153386,µV
Ch4=F3,,0.0186377,µV
Ch5=Fz,,0.0186377,µV
Ch6=F4,,0.0186377,µV
Ch7=F8,,0.0186377,µV
Ch8=FC5,,0.0186377,µV
Ch9=FC1,,0.1,µV
Ch10=FC2,,0.0353893,µV
Ch11=FC6,,0.00432753,µV
Ch12=T7,,0.00236214,µV
Ch13=C3,,0.0186377,µV
Ch14=Cz,,0.0186377,µV
Ch15=C4,,0.0186377,µV
Ch16=T8,,0.0186377,µV
Ch17=EOG,,0.00634175,µV
Ch18=CP5,,0.00498978,µV
Ch19=CP1,,0.00311594,µV
Ch20=CP2,,0.010358,µV
Ch21=CP6,,0.0186377,µV
Ch22=Null,,0.0186377,µV
Ch23=P7,,0.0186377,µV
Ch24=P3,,0.0186377,µV
Ch25=Pz,,0.0066683,µV
Ch26=P4,,0.00392774,µV
Ch27=P8,,0.00193182,µV
Ch28=PO9,,0.00520341,µV
Ch29=O1,,0.0186377,µV
Ch30=Oz,,0.0186377,µV
Ch31=O2,,0.0186377,µV
Ch32=PO10,,0.0186377,µV

