Brain Vision Data Exchange Header File Version 1.0
; Data exported from BBCI Matlab Toolbox

[Common Infos]
DataFile=0104_su05.eeg
MarkerFile=0104_su05.vmrk
DataFormat=BINARY
DataOrientation=MULTIPLEXED
NumberOfChannels=32
DataPoints=497000
SamplingInterval=200

[Binary Infos]
BinaryFormat=INT_16
UseBigEndianOrder=NO

[Channel Infos]
Ch1=Fp1,,0.0421461,µV
Ch2=Fp2,,0.0461257,µV
Ch3=F7,,0.0224128,µV
Ch4=F3,,0.0790033,µV
Ch5=Fz,,0.0790033,µV
Ch6=F4,,0.0790033,µV
Ch7=F8,,0.0790033,µV
Ch8=FC5,,0.0790033,µV
Ch9=FC1,,0.0504624,µV
Ch10=FC2,,0.0969512,µV
Ch11=FC6,,0.0171972,µV
Ch12=T7,,0.00540483,µV
Ch13=C3,,0.0790033,µV
Ch14=Cz,,0.0790033,µV
Ch15=C4,,0.0790033,µV
Ch16=T8,,0.0790033,µV
Ch17=EOG,,0.0461867,µV
Ch18=CP5,,0.0511856,µV
Ch19=CP1,,0.012299,µV
Ch20=CP2,,0.0170812,µV
Ch21=CP6,,0.0790033,µV
Ch22=Null,,0.0790033,µV
Ch23=P7,,0.0790033,µV
Ch24=P3,,0.0790033,µV
Ch25=Pz,,0.09223,µV
Ch26=P4,,0.0421522,µV
Ch27=P8,,0.00080264,µV
Ch28=PO9,,0.0260842,µV
Ch29=O1,,0.0790033,µV
Ch30=Oz,,0.0790033,µV
Ch31=O2,,0.0790033,µV
Ch32=PO10,,0.0790033,µV

