Brain Vision Data Exchange Header File Version 1.0
; Data exported from BBCI Matlab Toolbox

[Common Infos]
DataFile=0104_su04.eeg
MarkerFile=0104_su04.vmrk
DataFormat=BINARY
DataOrientation=MULTIPLEXED
NumberOfChannels=32
DataPoints=494000
SamplingInterval=200

[Binary Infos]
BinaryFormat=INT_16
UseBigEndianOrder=NO

[Channel Infos]
Ch1=Fp1,,0.019599,µV
Ch2=Fp2,,0.0134648,µV
Ch3=F7,,0.0116611,µV
Ch4=F3,,0.00825221,µV
Ch5=Fz,,0.00825221,µV
Ch6=F4,,0.00825221,µV
Ch7=F8,,0.00825221,µV
Ch8=FC5,,0.00825221,µV
Ch9=FC1,,0.0182745,µV
Ch10=FC2,,0.0860714,µV
Ch11=FC6,,0.00464187,µV
Ch12=T7,,0.00274972,µV
Ch13=C3,,0.00825221,µV
Ch14=Cz,,0.00825221,µV
Ch15=C4,,0.00825221,µV
Ch16=T8,,0.00825221,µV
Ch17=EOG,,0.0190405,µV
Ch18=CP5,,0.00798059,µV
Ch19=CP1,,0.0038667,µV
Ch20=CP2,,0.00450148,µV
Ch21=CP6,,0.00825221,µV
Ch22=Null,,0.00825221,µV
Ch23=P7,,0.00825221,µV
Ch24=P3,,0.00825221,µV
Ch25=Pz,,0.00835292,µV
Ch26=P4,,0.0107364,µV
Ch27=P8,,0.00201728,µV
Ch28=PO9,,0.0103336,µV
Ch29=O1,,0.00825221,µV
Ch30=Oz,,0.00825221,µV
Ch31=O2,,0.00825221,µV
Ch32=PO10,,0.00825221,µV

