Brain Vision Data Exchange Header File Version 1.0
; Data exported from BBCI Matlab Toolbox

[Common Infos]
DataFile=0104_su06.eeg
MarkerFile=0104_su06.vmrk
DataFormat=BINARY
DataOrientation=MULTIPLEXED
NumberOfChannels=32
DataPoints=744000
SamplingInterval=200

[Binary Infos]
BinaryFormat=INT_16
UseBigEndianOrder=NO

[Channel Infos]
Ch1=Fp1,,0.00563372,µV
Ch2=Fp2,,0.00913114,µV
Ch3=F7,,0.0129185,µV
Ch4=F3,,0.00979034,µV
Ch5=Fz,,0.00979034,µV
Ch6=F4,,0.00979034,µV
Ch7=F8,,0.00979034,µV
Ch8=FC5,,0.00979034,µV
Ch9=FC1,,0.00452285,µV
Ch10=FC2,,0.00776086,µV
Ch11=FC6,,0.00686972,µV
Ch12=T7,,0.00461135,µV
Ch13=C3,,0.00979034,µV
Ch14=Cz,,0.00979034,µV
Ch15=C4,,0.00979034,µV
Ch16=T8,,0.00979034,µV
Ch17=EOG,,0.00405591,µV
Ch18=CP5,,0.00478225,µV
Ch19=CP1,,0.00534074,µV
Ch20=CP2,,0.0109958,µV
Ch21=CP6,,0.00979034,µV
Ch22=Null,,0.00979034,µV
Ch23=P7,,0.00979034,µV
Ch24=P3,,0.00979034,µV
Ch25=Pz,,0.00494705,µV
Ch26=P4,,0.00444045,µV
Ch27=P8,,0.00379345,µV
Ch28=PO9,,0.00448012,µV
Ch29=O1,,0.00979034,µV
Ch30=Oz,,0.00979034,µV
Ch31=O2,,0.00979034,µV
Ch32=PO10,,0.00979034,µV

