Brain Vision Data Exchange Header File Version 1.0
; Data exported from BBCI Matlab Toolbox

[Common Infos]
DataFile=0201_su02.eeg
MarkerFile=0201_su02.vmrk
DataFormat=BINARY
DataOrientation=MULTIPLEXED
NumberOfChannels=32
DataPoints=994000
SamplingInterval=200

[Binary Infos]
BinaryFormat=INT_16
UseBigEndianOrder=NO

[Channel Infos]
Ch1=Fp1,,0.0137455,µV
Ch2=Fp2,,0.0238319,µV
Ch3=F7,,0.0126743,µV
Ch4=F3,,0.014008,µV
Ch5=Fz,,0.014008,µV
Ch6=F4,,0.014008,µV
Ch7=F8,,0.014008,µV
Ch8=FC5,,0.014008,µV
Ch9=FC1,,0.0206519,µV
Ch10=FC2,,0.0202246,µV
Ch11=FC6,,0.0118564,µV
Ch12=T7,,0.00813624,µV
Ch13=C3,,0.014008,µV
Ch14=Cz,,0.014008,µV
Ch15=C4,,0.014008,µV
Ch16=T8,,0.014008,µV
Ch17=EOG,,0.0141728,µV
Ch18=CP5,,0.0304605,µV
Ch19=CP1,,0.00715965,µV
Ch20=CP2,,0.0152074,µV
Ch21=CP6,,0.014008,µV
Ch22=Null,,0.014008,µV
Ch23=P7,,0.014008,µV
Ch24=P3,,0.014008,µV
Ch25=Pz,,0.0153295,µV
Ch26=P4,,0.0102359,µV
Ch27=P8,,0.00540178,µV
Ch28=PO9,,0.0173956,µV
Ch29=O1,,0.014008,µV
Ch30=Oz,,0.014008,µV
Ch31=O2,,0.014008,µV
Ch32=PO10,,0.014008,µV

