Brain Vision Data Exchange Header File Version 1.0
; Data exported from BBCI Matlab Toolbox

[Common Infos]
DataFile=0201_su01.eeg
MarkerFile=0201_su01.vmrk
DataFormat=BINARY
DataOrientation=MULTIPLEXED
NumberOfChannels=32
DataPoints=994000
SamplingInterval=200

[Binary Infos]
BinaryFormat=INT_16
UseBigEndianOrder=NO

[Channel Infos]
Ch1=Fp1,,0.00592975,µV
Ch2=Fp2,,0.00563372,µV
Ch3=F7,,0.00661336,µV
Ch4=F3,,0.0136296,µV
Ch5=Fz,,0.0136296,µV
Ch6=F4,,0.0136296,µV
Ch7=F8,,0.0136296,µV
Ch8=FC5,,0.0136296,µV
Ch9=FC1,,0.00245979,µV
Ch10=FC2,,0.00578021,µV
Ch11=FC6,,0.00431837,µV
Ch12=T7,,0.00275277,µV
Ch13=C3,,0.0136296,µV
Ch14=Cz,,0.0136296,µV
Ch15=C4,,0.0136296,µV
Ch16=T8,,0.0136296,µV
Ch17=EOG,,0.00635701,µV
Ch18=CP5,,0.00430006,µV
Ch19=CP1,,0.00331737,µV
Ch20=CP2,,0.00198981,µV
Ch21=CP6,,0.0136296,µV
Ch22=Null,,0.0136296,µV
Ch23=P7,,0.0136296,µV
Ch24=P3,,0.0136296,µV
Ch25=Pz,,0.00383008,µV
Ch26=P4,,0.00245369,µV
Ch27=P8,,0.00352794,µV
Ch28=PO9,,0.00231636,µV
Ch29=O1,,0.0136296,µV
Ch30=Oz,,0.0136296,µV
Ch31=O2,,0.0136296,µV
Ch32=PO10,,0.0136296,µV

