Brain Vision Data Exchange Header File Version 1.0
; Data exported from BBCI Matlab Toolbox

[Common Infos]
DataFile=0201_su07.eeg
MarkerFile=0201_su07.vmrk
DataFormat=BINARY
DataOrientation=MULTIPLEXED
NumberOfChannels=32
DataPoints=994000
SamplingInterval=200

[Binary Infos]
BinaryFormat=INT_16
UseBigEndianOrder=NO

[Channel Infos]
Ch1=Fp1,,0.00480362,µV
Ch2=Fp2,,0.00936003,µV
Ch3=F7,,0.00848415,µV
Ch4=F3,,0.0108951,µV
Ch5=Fz,,0.0108951,µV
Ch6=F4,,0.0108951,µV
Ch7=F8,,0.0108951,µV
Ch8=FC5,,0.0108951,µV
Ch9=FC1,,0.00665609,µV
Ch10=FC2,,0.0113865,µV
Ch11=FC6,,0.00499588,µV
Ch12=T7,,0.00207526,µV
Ch13=C3,,0.0108951,µV
Ch14=Cz,,0.0108951,µV
Ch15=C4,,0.0108951,µV
Ch16=T8,,0.0108951,µV
Ch17=EOG,,0.00893582,µV
Ch18=CP5,,0.00736412,µV
Ch19=CP1,,0.0021363,µV
Ch20=CP2,,0.00676901,µV
Ch21=CP6,,0.0108951,µV
Ch22=Null,,0.0108951,µV
Ch23=P7,,0.0108951,µV
Ch24=P3,,0.0108951,µV
Ch25=Pz,,0.00706199,µV
Ch26=P4,,0.00438246,µV
Ch27=P8,,0.00219123,µV
Ch28=PO9,,0.0061739,µV
Ch29=O1,,0.0108951,µV
Ch30=Oz,,0.0108951,µV
Ch31=O2,,0.0108951,µV
Ch32=PO10,,0.0108951,µV

