Brain Vision Data Exchange Header File Version 1.0
; Data exported from BBCI Matlab Toolbox

[Common Infos]
DataFile=0202_su02.eeg
MarkerFile=0202_su02.vmrk
DataFormat=BINARY
DataOrientation=MULTIPLEXED
NumberOfChannels=32
DataPoints=994000
SamplingInterval=200

[Binary Infos]
BinaryFormat=INT_16
UseBigEndianOrder=NO

[Channel Infos]
Ch1=Fp1,,0.0171728,µV
Ch2=Fp2,,0.0304483,µV
Ch3=F7,,0.0147313,µV
Ch4=F3,,0.0484085,µV
Ch5=Fz,,0.0484085,µV
Ch6=F4,,0.0484085,µV
Ch7=F8,,0.0484085,µV
Ch8=FC5,,0.0484085,µV
Ch9=FC1,,0.0182012,µV
Ch10=FC2,,0.0462386,µV
Ch11=FC6,,0.00973846,µV
Ch12=T7,,0.00622883,µV
Ch13=C3,,0.0484085,µV
Ch14=Cz,,0.0484085,µV
Ch15=C4,,0.0484085,µV
Ch16=T8,,0.0484085,µV
Ch17=EOG,,0.0192114,µV
Ch18=CP5,,0.0195898,µV
Ch19=CP1,,0.00949431,µV
Ch20=CP2,,0.0089877,µV
Ch21=CP6,,0.0484085,µV
Ch22=Null,,0.0484085,µV
Ch23=P7,,0.0484085,µV
Ch24=P3,,0.0484085,µV
Ch25=Pz,,0.0181677,µV
Ch26=P4,,0.00755333,µV
Ch27=P8,,0.00516984,µV
Ch28=PO9,,0.0172155,µV
Ch29=O1,,0.0484085,µV
Ch30=Oz,,0.0484085,µV
Ch31=O2,,0.0484085,µV
Ch32=PO10,,0.0484085,µV

