Brain Vision Data Exchange Header File Version 1.0
; Data exported from BBCI Matlab Toolbox

[Common Infos]
DataFile=0202_su07.eeg
MarkerFile=0202_su07.vmrk
DataFormat=BINARY
DataOrientation=MULTIPLEXED
NumberOfChannels=32
DataPoints=994000
SamplingInterval=200

[Binary Infos]
BinaryFormat=INT_16
UseBigEndianOrder=NO

[Channel Infos]
Ch1=Fp1,,0.00635396,µV
Ch2=Fp2,,0.0300851,µV
Ch3=F7,,0.0118351,µV
Ch4=F3,,0.0143162,µV
Ch5=Fz,,0.0143162,µV
Ch6=F4,,0.0143162,µV
Ch7=F8,,0.0143162,µV
Ch8=FC5,,0.0143162,µV
Ch9=FC1,,0.011655,µV
Ch10=FC2,,0.0293985,µV
Ch11=FC6,,0.0055147,µV
Ch12=T7,,0.00198676,µV
Ch13=C3,,0.0143162,µV
Ch14=Cz,,0.0143162,µV
Ch15=C4,,0.0143162,µV
Ch16=T8,,0.0143162,µV
Ch17=EOG,,0.0148656,µV
Ch18=CP5,,0.00826747,µV
Ch19=CP1,,0.00279855,µV
Ch20=CP2,,0.0170812,µV
Ch21=CP6,,0.0143162,µV
Ch22=Null,,0.0143162,µV
Ch23=P7,,0.0143162,µV
Ch24=P3,,0.0143162,µV
Ch25=Pz,,0.0108097,µV
Ch26=P4,,0.00454116,µV
Ch27=P8,,0.00224922,µV
Ch28=PO9,,0.00758996,µV
Ch29=O1,,0.0143162,µV
Ch30=Oz,,0.0143162,µV
Ch31=O2,,0.0143162,µV
Ch32=PO10,,0.0143162,µV

