Brain Vision Data Exchange Header File Version 1.0
; Data exported from BBCI Matlab Toolbox

[Common Infos]
DataFile=0202_su04.eeg
MarkerFile=0202_su04.vmrk
DataFormat=BINARY
DataOrientation=MULTIPLEXED
NumberOfChannels=32
DataPoints=993000
SamplingInterval=200

[Binary Infos]
BinaryFormat=INT_16
UseBigEndianOrder=NO

[Channel Infos]
Ch1=Fp1,,0.0380169,µV
Ch2=Fp2,,0.1,µV
Ch3=F7,,0.1,µV
Ch4=F3,,0.1,µV
Ch5=Fz,,0.1,µV
Ch6=F4,,0.1,µV
Ch7=F8,,0.1,µV
Ch8=FC5,,0.1,µV
Ch9=FC1,,0.0493149,µV
Ch10=FC2,,0.1,µV
Ch11=FC6,,0.00948821,µV
Ch12=T7,,0.00744957,µV
Ch13=C3,,0.1,µV
Ch14=Cz,,0.1,µV
Ch15=C4,,0.1,µV
Ch16=T8,,0.1,µV
Ch17=EOG,,0.0709677,µV
Ch18=CP5,,0.0162481,µV
Ch19=CP1,,0.00802332,µV
Ch20=CP2,,0.0129124,µV
Ch21=CP6,,0.1,µV
Ch22=Null,,0.1,µV
Ch23=P7,,0.1,µV
Ch24=P3,,0.1,µV
Ch25=Pz,,0.0214972,µV
Ch26=P4,,0.015717,µV
Ch27=P8,,0.00544145,µV
Ch28=PO9,,0.0204138,µV
Ch29=O1,,0.1,µV
Ch30=Oz,,0.1,µV
Ch31=O2,,0.1,µV
Ch32=PO10,,0.1,µV

