Brain Vision Data Exchange Header File Version 1.0
; Data exported from BBCI Matlab Toolbox

[Common Infos]
DataFile=0203_su08.eeg
MarkerFile=0203_su08.vmrk
DataFormat=BINARY
DataOrientation=MULTIPLEXED
NumberOfChannels=32
DataPoints=1000000
SamplingInterval=200

[Binary Infos]
BinaryFormat=INT_16
UseBigEndianOrder=NO

[Channel Infos]
Ch1=Fp1,,0.0102023,µV
Ch2=Fp2,,0.00459914,µV
Ch3=F7,,0.0149266,µV
Ch4=F3,,0.0151097,µV
Ch5=Fz,,0.0151097,µV
Ch6=F4,,0.0151097,µV
Ch7=F8,,0.0151097,µV
Ch8=FC5,,0.0151097,µV
Ch9=FC1,,0.00610676,µV
Ch10=FC2,,0.0967437,µV
Ch11=FC6,,0.00404981,µV
Ch12=T7,,0.00245369,µV
Ch13=C3,,0.0151097,µV
Ch14=Cz,,0.0151097,µV
Ch15=C4,,0.0151097,µV
Ch16=T8,,0.0151097,µV
Ch17=EOG,,0.00549944,µV
Ch18=CP5,,0.00474258,µV
Ch19=CP1,,0.00372936,µV
Ch20=CP2,,0.0103153,µV
Ch21=CP6,,0.0151097,µV
Ch22=Null,,0.0151097,µV
Ch23=P7,,0.0151097,µV
Ch24=P3,,0.0151097,µV
Ch25=Pz,,0.0040376,µV
Ch26=P4,,0.00364391,µV
Ch27=P8,,0.00311594,µV
Ch28=PO9,,0.00474563,µV
Ch29=O1,,0.0151097,µV
Ch30=Oz,,0.0151097,µV
Ch31=O2,,0.0151097,µV
Ch32=PO10,,0.0151097,µV

