Brain Vision Data Exchange Header File Version 1.0
; Data exported from BBCI Matlab Toolbox

[Common Infos]
DataFile=0203_su05.eeg
MarkerFile=0203_su05.vmrk
DataFormat=BINARY
DataOrientation=MULTIPLEXED
NumberOfChannels=32
DataPoints=994000
SamplingInterval=200

[Binary Infos]
BinaryFormat=INT_16
UseBigEndianOrder=NO

[Channel Infos]
Ch1=Fp1,,0.0446974,µV
Ch2=Fp2,,0.0653981,µV
Ch3=F7,,0.0421094,µV
Ch4=F3,,0.1,µV
Ch5=Fz,,0.1,µV
Ch6=F4,,0.1,µV
Ch7=F8,,0.1,µV
Ch8=FC5,,0.1,µV
Ch9=FC1,,0.0591357,µV
Ch10=FC2,,0.0429853,µV
Ch11=FC6,,0.015302,µV
Ch12=T7,,0.00538042,µV
Ch13=C3,,0.1,µV
Ch14=Cz,,0.1,µV
Ch15=C4,,0.1,µV
Ch16=T8,,0.1,µV
Ch17=EOG,,0.0678945,µV
Ch18=CP5,,0.0393628,µV
Ch19=CP1,,0.0139409,µV
Ch20=CP2,,0.0190497,µV
Ch21=CP6,,0.1,µV
Ch22=Null,,0.1,µV
Ch23=P7,,0.1,µV
Ch24=P3,,0.1,µV
Ch25=Pz,,0.1,µV
Ch26=P4,,0.0506455,µV
Ch27=P8,,0.00108036,µV
Ch28=PO9,,0.0325144,µV
Ch29=O1,,0.1,µV
Ch30=Oz,,0.1,µV
Ch31=O2,,0.1,µV
Ch32=PO10,,0.1,µV

