Brain Vision Data Exchange Header File Version 1.0
; Data exported from BBCI Matlab Toolbox

[Common Infos]
DataFile=0203_su03.eeg
MarkerFile=0203_su03.vmrk
DataFormat=BINARY
DataOrientation=MULTIPLEXED
NumberOfChannels=32
DataPoints=1000000
SamplingInterval=200

[Binary Infos]
BinaryFormat=INT_16
UseBigEndianOrder=NO

[Channel Infos]
Ch1=Fp1,,0.00746483,µV
Ch2=Fp2,,0.0177892,µV
Ch3=F7,,0.0125828,µV
Ch4=F3,,0.015006,µV
Ch5=Fz,,0.015006,µV
Ch6=F4,,0.015006,µV
Ch7=F8,,0.015006,µV
Ch8=FC5,,0.015006,µV
Ch9=FC1,,0.017423,µV
Ch10=FC2,,0.0228309,µV
Ch11=FC6,,0.0115238,µV
Ch12=T7,,0.00439467,µV
Ch13=C3,,0.015006,µV
Ch14=Cz,,0.015006,µV
Ch15=C4,,0.015006,µV
Ch16=T8,,0.015006,µV
Ch17=EOG,,0.0129215,µV
Ch18=CP5,,0.0137028,µV
Ch19=CP1,,0.00393079,µV
Ch20=CP2,,0.0055971,µV
Ch21=CP6,,0.015006,µV
Ch22=Null,,0.015006,µV
Ch23=P7,,0.015006,µV
Ch24=P3,,0.015006,µV
Ch25=Pz,,0.0162542,µV
Ch26=P4,,0.0102573,µV
Ch27=P8,,0.00187384,µV
Ch28=PO9,,0.0125553,µV
Ch29=O1,,0.015006,µV
Ch30=Oz,,0.015006,µV
Ch31=O2,,0.015006,µV
Ch32=PO10,,0.015006,µV

