Brain Vision Data Exchange Header File Version 1.0
; Data exported from BBCI Matlab Toolbox

[Common Infos]
DataFile=0203_su07.eeg
MarkerFile=0203_su07.vmrk
DataFormat=BINARY
DataOrientation=MULTIPLEXED
NumberOfChannels=32
DataPoints=994000
SamplingInterval=200

[Binary Infos]
BinaryFormat=INT_16
UseBigEndianOrder=NO

[Channel Infos]
Ch1=Fp1,,0.00379956,µV
Ch2=Fp2,,0.00885953,µV
Ch3=F7,,0.0187689,µV
Ch4=F3,,0.0079043,µV
Ch5=Fz,,0.0079043,µV
Ch6=F4,,0.0079043,µV
Ch7=F8,,0.0079043,µV
Ch8=FC5,,0.0079043,µV
Ch9=FC1,,0.00753197,µV
Ch10=FC2,,0.0108646,µV
Ch11=FC6,,0.00509049,µV
Ch12=T7,,0.00225837,µV
Ch13=C3,,0.0079043,µV
Ch14=Cz,,0.0079043,µV
Ch15=C4,,0.0079043,µV
Ch16=T8,,0.0079043,µV
Ch17=EOG,,0.00784936,µV
Ch18=CP5,,0.00801416,µV
Ch19=CP1,,0.00268258,µV
Ch20=CP2,,0.00488602,µV
Ch21=CP6,,0.0079043,µV
Ch22=Null,,0.0079043,µV
Ch23=P7,,0.0079043,µV
Ch24=P3,,0.0079043,µV
Ch25=Pz,,0.0105228,µV
Ch26=P4,,0.00545366,µV
Ch27=P8,,0.00192267,µV
Ch28=PO9,,0.00408643,µV
Ch29=O1,,0.0079043,µV
Ch30=Oz,,0.0079043,µV
Ch31=O2,,0.0079043,µV
Ch32=PO10,,0.0079043,µV

