Brain Vision Data Exchange Header File Version 1.0
; Data exported from BBCI Matlab Toolbox

[Common Infos]
DataFile=0203_su04.eeg
MarkerFile=0203_su04.vmrk
DataFormat=BINARY
DataOrientation=MULTIPLEXED
NumberOfChannels=32
DataPoints=994000
SamplingInterval=200

[Binary Infos]
BinaryFormat=INT_16
UseBigEndianOrder=NO

[Channel Infos]
Ch1=Fp1,,0.0113254,µV
Ch2=Fp2,,0.0390362,µV
Ch3=F7,,0.0293619,µV
Ch4=F3,,0.0284036,µV
Ch5=Fz,,0.0284036,µV
Ch6=F4,,0.0284036,µV
Ch7=F8,,0.0284036,µV
Ch8=FC5,,0.0284036,µV
Ch9=FC1,,0.0114109,µV
Ch10=FC2,,0.0964568,µV
Ch11=FC6,,0.00910978,µV
Ch12=T7,,0.00354015,µV
Ch13=C3,,0.0284036,µV
Ch14=Cz,,0.0284036,µV
Ch15=C4,,0.0284036,µV
Ch16=T8,,0.0284036,µV
Ch17=EOG,,0.0260872,µV
Ch18=CP5,,0.0099765,µV
Ch19=CP1,,0.00328074,µV
Ch20=CP2,,0.00516679,µV
Ch21=CP6,,0.0284036,µV
Ch22=Null,,0.0284036,µV
Ch23=P7,,0.0284036,µV
Ch24=P3,,0.0284036,µV
Ch25=Pz,,0.00645162,µV
Ch26=P4,,0.0085757,µV
Ch27=P8,,0.00298166,µV
Ch28=PO9,,0.0067629,µV
Ch29=O1,,0.0284036,µV
Ch30=Oz,,0.0284036,µV
Ch31=O2,,0.0284036,µV
Ch32=PO10,,0.0284036,µV

