Brain Vision Data Exchange Header File Version 1.0
; Data exported from BBCI Matlab Toolbox

[Common Infos]
DataFile=0204_su06.eeg
MarkerFile=0204_su06.vmrk
DataFormat=BINARY
DataOrientation=MULTIPLEXED
NumberOfChannels=32
DataPoints=1494000
SamplingInterval=200

[Binary Infos]
BinaryFormat=INT_16
UseBigEndianOrder=NO

[Channel Infos]
Ch1=Fp1,,0.00832545,µV
Ch2=Fp2,,0.00867336,µV
Ch3=F7,,0.0140263,µV
Ch4=F3,,0.01377,µV
Ch5=Fz,,0.01377,µV
Ch6=F4,,0.01377,µV
Ch7=F8,,0.01377,µV
Ch8=FC5,,0.01377,µV
Ch9=FC1,,0.00727867,µV
Ch10=FC2,,0.00889615,µV
Ch11=FC6,,0.00862453,µV
Ch12=T7,,0.00722984,µV
Ch13=C3,,0.01377,µV
Ch14=Cz,,0.01377,µV
Ch15=C4,,0.01377,µV
Ch16=T8,,0.01377,µV
Ch17=EOG,,0.0066683,µV
Ch18=CP5,,0.00737327,µV
Ch19=CP1,,0.00874356,µV
Ch20=CP2,,0.0106082,µV
Ch21=CP6,,0.01377,µV
Ch22=Null,,0.01377,µV
Ch23=P7,,0.01377,µV
Ch24=P3,,0.01377,µV
Ch25=Pz,,0.00770898,µV
Ch26=P4,,0.00772119,µV
Ch27=P8,,0.00735802,µV
Ch28=PO9,,0.00746483,µV
Ch29=O1,,0.01377,µV
Ch30=Oz,,0.01377,µV
Ch31=O2,,0.01377,µV
Ch32=PO10,,0.01377,µV

