Brain Vision Data Exchange Header File Version 1.0
; Data exported from BBCI Matlab Toolbox

[Common Infos]
DataFile=0204_su03.eeg
MarkerFile=0204_su03.vmrk
DataFormat=BINARY
DataOrientation=MULTIPLEXED
NumberOfChannels=32
DataPoints=1009000
SamplingInterval=200

[Binary Infos]
BinaryFormat=INT_16
UseBigEndianOrder=NO

[Channel Infos]
Ch1=Fp1,,0.00970184,µV
Ch2=Fp2,,0.0170904,µV
Ch3=F7,,0.0124546,µV
Ch4=F3,,0.0150304,µV
Ch5=Fz,,0.0150304,µV
Ch6=F4,,0.0150304,µV
Ch7=F8,,0.0150304,µV
Ch8=FC5,,0.0150304,µV
Ch9=FC1,,0.0170019,µV
Ch10=FC2,,0.0196875,µV
Ch11=FC6,,0.0142644,µV
Ch12=T7,,0.00455947,µV
Ch13=C3,,0.0150304,µV
Ch14=Cz,,0.0150304,µV
Ch15=C4,,0.0150304,µV
Ch16=T8,,0.0150304,µV
Ch17=EOG,,0.0182501,µV
Ch18=CP5,,0.0186773,µV
Ch19=CP1,,0.00519425,µV
Ch20=CP2,,0.00696433,µV
Ch21=CP6,,0.0150304,µV
Ch22=Null,,0.0150304,µV
Ch23=P7,,0.0150304,µV
Ch24=P3,,0.0150304,µV
Ch25=Pz,,0.0169378,µV
Ch26=P4,,0.0128849,µV
Ch27=P8,,0.00252999,µV
Ch28=PO9,,0.00777307,µV
Ch29=O1,,0.0150304,µV
Ch30=Oz,,0.0150304,µV
Ch31=O2,,0.0150304,µV
Ch32=PO10,,0.0150304,µV

