Brain Vision Data Exchange Header File Version 1.0
; Data exported from BBCI Matlab Toolbox

[Common Infos]
DataFile=0204_su02.eeg
MarkerFile=0204_su02.vmrk
DataFormat=BINARY
DataOrientation=MULTIPLEXED
NumberOfChannels=32
DataPoints=994000
SamplingInterval=200

[Binary Infos]
BinaryFormat=INT_16
UseBigEndianOrder=NO

[Channel Infos]
Ch1=Fp1,,0.00838954,µV
Ch2=Fp2,,0.0312021,µV
Ch3=F7,,0.0147221,µV
Ch4=F3,,0.0658681,µV
Ch5=Fz,,0.0658681,µV
Ch6=F4,,0.0658681,µV
Ch7=F8,,0.0658681,µV
Ch8=FC5,,0.0658681,µV
Ch9=FC1,,0.0208472,µV
Ch10=FC2,,0.0389905,µV
Ch11=FC6,,0.00718711,µV
Ch12=T7,,0.00536211,µV
Ch13=C3,,0.0658681,µV
Ch14=Cz,,0.0658681,µV
Ch15=C4,,0.0658681,µV
Ch16=T8,,0.0658681,µV
Ch17=EOG,,0.0180151,µV
Ch18=CP5,,0.0172582,µV
Ch19=CP1,,0.00628682,µV
Ch20=CP2,,0.0050264,µV
Ch21=CP6,,0.0658681,µV
Ch22=Null,,0.0658681,µV
Ch23=P7,,0.0658681,µV
Ch24=P3,,0.0658681,µV
Ch25=Pz,,0.0162328,µV
Ch26=P4,,0.00498978,µV
Ch27=P8,,0.00367443,µV
Ch28=PO9,,0.0108768,µV
Ch29=O1,,0.0658681,µV
Ch30=Oz,,0.0658681,µV
Ch31=O2,,0.0658681,µV
Ch32=PO10,,0.0658681,µV

