Brain Vision Data Exchange Header File Version 1.0
; Data exported from BBCI Matlab Toolbox

[Common Infos]
DataFile=0204_su08.eeg
MarkerFile=0204_su08.vmrk
DataFormat=BINARY
DataOrientation=MULTIPLEXED
NumberOfChannels=32
DataPoints=1016000
SamplingInterval=200

[Binary Infos]
BinaryFormat=INT_16
UseBigEndianOrder=NO

[Channel Infos]
Ch1=Fp1,,0.0162877,µV
Ch2=Fp2,,0.00547808,µV
Ch3=F7,,0.0145146,µV
Ch4=F3,,0.0112796,µV
Ch5=Fz,,0.0112796,µV
Ch6=F4,,0.0112796,µV
Ch7=F8,,0.0112796,µV
Ch8=FC5,,0.0112796,µV
Ch9=FC1,,0.00553301,µV
Ch10=FC2,,0.1,µV
Ch11=FC6,,0.00403455,µV
Ch12=T7,,0.00237434,µV
Ch13=C3,,0.0112796,µV
Ch14=Cz,,0.0112796,µV
Ch15=C4,,0.0112796,µV
Ch16=T8,,0.0112796,µV
Ch17=EOG,,0.00526445,µV
Ch18=CP5,,0.00466323,µV
Ch19=CP1,,0.00524308,µV
Ch20=CP2,,0.0102939,µV
Ch21=CP6,,0.0112796,µV
Ch22=Null,,0.0112796,µV
Ch23=P7,,0.0112796,µV
Ch24=P3,,0.0112796,µV
Ch25=Pz,,0.00509049,µV
Ch26=P4,,0.00422376,µV
Ch27=P8,,0.00278329,µV
Ch28=PO9,,0.00599384,µV
Ch29=O1,,0.0112796,µV
Ch30=Oz,,0.0112796,µV
Ch31=O2,,0.0112796,µV
Ch32=PO10,,0.0112796,µV

