Brain Vision Data Exchange Header File Version 1.0
; Data exported from BBCI Matlab Toolbox

[Common Infos]
DataFile=0204_su04.eeg
MarkerFile=0204_su04.vmrk
DataFormat=BINARY
DataOrientation=MULTIPLEXED
NumberOfChannels=32
DataPoints=994000
SamplingInterval=200

[Binary Infos]
BinaryFormat=INT_16
UseBigEndianOrder=NO

[Channel Infos]
Ch1=Fp1,,0.0107486,µV
Ch2=Fp2,,0.0258675,µV
Ch3=F7,,0.00856655,µV
Ch4=F3,,0.00759606,µV
Ch5=Fz,,0.00759606,µV
Ch6=F4,,0.00759606,µV
Ch7=F8,,0.00759606,µV
Ch8=FC5,,0.00759606,µV
Ch9=FC1,,0.00853603,µV
Ch10=FC2,,0.1,µV
Ch11=FC6,,0.00575885,µV
Ch12=T7,,0.00289926,µV
Ch13=C3,,0.00759606,µV
Ch14=Cz,,0.00759606,µV
Ch15=C4,,0.00759606,µV
Ch16=T8,,0.00759606,µV
Ch17=EOG,,0.0285348,µV
Ch18=CP5,,0.0139439,µV
Ch19=CP1,,0.00254525,µV
Ch20=CP2,,0.00260323,µV
Ch21=CP6,,0.00759606,µV
Ch22=Null,,0.00759606,µV
Ch23=P7,,0.00759606,µV
Ch24=P3,,0.00759606,µV
Ch25=Pz,,0.00400708,µV
Ch26=P4,,0.00666525,µV
Ch27=P8,,0.00308542,µV
Ch28=PO9,,0.0111332,µV
Ch29=O1,,0.00759606,µV
Ch30=Oz,,0.00759606,µV
Ch31=O2,,0.00759606,µV
Ch32=PO10,,0.00759606,µV

