Brain Vision Data Exchange Header File Version 1.0
; Data exported from BBCI Matlab Toolbox

[Common Infos]
DataFile=0204_su01.eeg
MarkerFile=0204_su01.vmrk
DataFormat=BINARY
DataOrientation=MULTIPLEXED
NumberOfChannels=32
DataPoints=994000
SamplingInterval=200

[Binary Infos]
BinaryFormat=INT_16
UseBigEndianOrder=NO

[Channel Infos]
Ch1=Fp1,,0.00598773,µV
Ch2=Fp2,,0.00579242,µV
Ch3=F7,,0.00534685,µV
Ch4=F3,,0.0119083,µV
Ch5=Fz,,0.0119083,µV
Ch6=F4,,0.0119083,µV
Ch7=F8,,0.0119083,µV
Ch8=FC5,,0.0119083,µV
Ch9=FC1,,0.00322276,µV
Ch10=FC2,,0.00401319,µV
Ch11=FC6,,0.00357982,µV
Ch12=T7,,0.00221259,µV
Ch13=C3,,0.0119083,µV
Ch14=Cz,,0.0119083,µV
Ch15=C4,,0.0119083,µV
Ch16=T8,,0.0119083,µV
Ch17=EOG,,0.00760216,µV
Ch18=CP5,,0.00297861,µV
Ch19=CP1,,0.00392468,µV
Ch20=CP2,,0.0207373,µV
Ch21=CP6,,0.0119083,µV
Ch22=Null,,0.0119083,µV
Ch23=P7,,0.0119083,µV
Ch24=P3,,0.0119083,µV
Ch25=Pz,,0.00318308,µV
Ch26=P4,,0.00266732,µV
Ch27=P8,,0.00573443,µV
Ch28=PO9,,0.0076632,µV
Ch29=O1,,0.0119083,µV
Ch30=Oz,,0.0119083,µV
Ch31=O2,,0.0119083,µV
Ch32=PO10,,0.0119083,µV

