Brain Vision Data Exchange Header File Version 1.0
; Data exported from BBCI Matlab Toolbox

[Common Infos]
DataFile=0301_su03.eeg
MarkerFile=0301_su03.vmrk
DataFormat=BINARY
DataOrientation=MULTIPLEXED
NumberOfChannels=32
DataPoints=794000
SamplingInterval=200

[Binary Infos]
BinaryFormat=INT_16
UseBigEndianOrder=NO

[Channel Infos]
Ch1=Fp1,,0.00820643,µV
Ch2=Fp2,,0.0173437,µV
Ch3=F7,,0.00997345,µV
Ch4=F3,,0.0110904,µV
Ch5=Fz,,0.0110904,µV
Ch6=F4,,0.0110904,µV
Ch7=F8,,0.0110904,µV
Ch8=FC5,,0.0110904,µV
Ch9=FC1,,0.0173925,µV
Ch10=FC2,,0.0152867,µV
Ch11=FC6,,0.0116764,µV
Ch12=T7,,0.00270089,µV
Ch13=C3,,0.0110904,µV
Ch14=Cz,,0.0110904,µV
Ch15=C4,,0.0110904,µV
Ch16=T8,,0.0110904,µV
Ch17=EOG,,0.011478,µV
Ch18=CP5,,0.0156011,µV
Ch19=CP1,,0.00358288,µV
Ch20=CP2,,0.00459609,µV
Ch21=CP6,,0.0110904,µV
Ch22=Null,,0.0110904,µV
Ch23=P7,,0.0110904,µV
Ch24=P3,,0.0110904,µV
Ch25=Pz,,0.014246,µV
Ch26=P4,,0.0114078,µV
Ch27=P8,,0.00182196,µV
Ch28=PO9,,0.00931425,µV
Ch29=O1,,0.0110904,µV
Ch30=Oz,,0.0110904,µV
Ch31=O2,,0.0110904,µV
Ch32=PO10,,0.0110904,µV

