Brain Vision Data Exchange Header File Version 1.0
; Data exported from BBCI Matlab Toolbox

[Common Infos]
DataFile=0301_su07.eeg
MarkerFile=0301_su07.vmrk
DataFormat=BINARY
DataOrientation=MULTIPLEXED
NumberOfChannels=32
DataPoints=794000
SamplingInterval=200

[Binary Infos]
BinaryFormat=INT_16
UseBigEndianOrder=NO

[Channel Infos]
Ch1=Fp1,,0.00932951,µV
Ch2=Fp2,,0.0129673,µV
Ch3=F7,,0.0374981,µV
Ch4=F3,,0.0301462,µV
Ch5=Fz,,0.0301462,µV
Ch6=F4,,0.0301462,µV
Ch7=F8,,0.0301462,µV
Ch8=FC5,,0.0301462,µV
Ch9=FC1,,0.00830714,µV
Ch10=FC2,,0.0111789,µV
Ch11=FC6,,0.0103885,µV
Ch12=T7,,0.00371716,µV
Ch13=C3,,0.0301462,µV
Ch14=Cz,,0.0301462,µV
Ch15=C4,,0.0301462,µV
Ch16=T8,,0.0301462,µV
Ch17=EOG,,0.00888394,µV
Ch18=CP5,,0.0102603,µV
Ch19=CP1,,0.00548723,µV
Ch20=CP2,,0.00310984,µV
Ch21=CP6,,0.0301462,µV
Ch22=Null,,0.0301462,µV
Ch23=P7,,0.0301462,µV
Ch24=P3,,0.0301462,µV
Ch25=Pz,,0.0100864,µV
Ch26=P4,,0.00805384,µV
Ch27=P8,,0.00235908,µV
Ch28=PO9,,0.00587176,µV
Ch29=O1,,0.0301462,µV
Ch30=Oz,,0.0301462,µV
Ch31=O2,,0.0301462,µV
Ch32=PO10,,0.0301462,µV

