Brain Vision Data Exchange Header File Version 1.0
; Data exported from BBCI Matlab Toolbox

[Common Infos]
DataFile=0301_su05.eeg
MarkerFile=0301_su05.vmrk
DataFormat=BINARY
DataOrientation=MULTIPLEXED
NumberOfChannels=32
DataPoints=794000
SamplingInterval=200

[Binary Infos]
BinaryFormat=INT_16
UseBigEndianOrder=NO

[Channel Infos]
Ch1=Fp1,,0.00505082,µV
Ch2=Fp2,,0.00897244,µV
Ch3=F7,,0.00918913,µV
Ch4=F3,,0.0139317,µV
Ch5=Fz,,0.0139317,µV
Ch6=F4,,0.0139317,µV
Ch7=F8,,0.0139317,µV
Ch8=FC5,,0.0139317,µV
Ch9=FC1,,0.0148473,µV
Ch10=FC2,,0.00910062,µV
Ch11=FC6,,0.00443434,µV
Ch12=T7,,0.00285043,µV
Ch13=C3,,0.0139317,µV
Ch14=Cz,,0.0139317,µV
Ch15=C4,,0.0139317,µV
Ch16=T8,,0.0139317,µV
Ch17=EOG,,0.0101657,µV
Ch18=CP5,,0.00704368,µV
Ch19=CP1,,0.0013886,µV
Ch20=CP2,,0.00550859,µV
Ch21=CP6,,0.0139317,µV
Ch22=Null,,0.0139317,µV
Ch23=P7,,0.0139317,µV
Ch24=P3,,0.0139317,µV
Ch25=Pz,,0.1,µV
Ch26=P4,,0.00445265,µV
Ch27=P8,,0.000662255,µV
Ch28=PO9,,0.00227058,µV
Ch29=O1,,0.0139317,µV
Ch30=Oz,,0.0139317,µV
Ch31=O2,,0.0139317,µV
Ch32=PO10,,0.0139317,µV

