Brain Vision Data Exchange Header File Version 1.0
; Data exported from BBCI Matlab Toolbox

[Common Infos]
DataFile=0301_su08.eeg
MarkerFile=0301_su08.vmrk
DataFormat=BINARY
DataOrientation=MULTIPLEXED
NumberOfChannels=32
DataPoints=794000
SamplingInterval=200

[Binary Infos]
BinaryFormat=INT_16
UseBigEndianOrder=NO

[Channel Infos]
Ch1=Fp1,,0.0179449,µV
Ch2=Fp2,,0.00385449,µV
Ch3=F7,,0.0155034,µV
Ch4=F3,,0.013358,µV
Ch5=Fz,,0.013358,µV
Ch6=F4,,0.013358,µV
Ch7=F8,,0.013358,µV
Ch8=FC5,,0.013358,µV
Ch9=FC1,,0.00529191,µV
Ch10=FC2,,0.0364391,µV
Ch11=FC6,,0.00365002,µV
Ch12=T7,,0.00274362,µV
Ch13=C3,,0.013358,µV
Ch14=Cz,,0.013358,µV
Ch15=C4,,0.013358,µV
Ch16=T8,,0.013358,µV
Ch17=EOG,,0.00644551,µV
Ch18=CP5,,0.00295114,µV
Ch19=CP1,,0.0204382,µV
Ch20=CP2,,0.1,µV
Ch21=CP6,,0.013358,µV
Ch22=Null,,0.013358,µV
Ch23=P7,,0.013358,µV
Ch24=P3,,0.013358,µV
Ch25=Pz,,0.00434279,µV
Ch26=P4,,0.00391858,µV
Ch27=P8,,0.00265817,µV
Ch28=PO9,,0.00522782,µV
Ch29=O1,,0.013358,µV
Ch30=Oz,,0.013358,µV
Ch31=O2,,0.013358,µV
Ch32=PO10,,0.013358,µV

