Brain Vision Data Exchange Header File Version 1.0
; Data exported from BBCI Matlab Toolbox

[Common Infos]
DataFile=0301_su06.eeg
MarkerFile=0301_su06.vmrk
DataFormat=BINARY
DataOrientation=MULTIPLEXED
NumberOfChannels=32
DataPoints=1194000
SamplingInterval=200

[Binary Infos]
BinaryFormat=INT_16
UseBigEndianOrder=NO

[Channel Infos]
Ch1=Fp1,,0.00998871,µV
Ch2=Fp2,,0.0131047,µV
Ch3=F7,,0.0147923,µV
Ch4=F3,,0.0145726,µV
Ch5=Fz,,0.0145726,µV
Ch6=F4,,0.0145726,µV
Ch7=F8,,0.0145726,µV
Ch8=FC5,,0.0145726,µV
Ch9=FC1,,0.0142247,µV
Ch10=FC2,,0.0126286,µV
Ch11=FC6,,0.0119877,µV
Ch12=T7,,0.0112888,µV
Ch13=C3,,0.0145726,µV
Ch14=Cz,,0.0145726,µV
Ch15=C4,,0.0145726,µV
Ch16=T8,,0.0145726,µV
Ch17=EOG,,0.0150182,µV
Ch18=CP5,,0.0118107,µV
Ch19=CP1,,0.0108829,µV
Ch20=CP2,,0.0108799,µV
Ch21=CP6,,0.0145726,µV
Ch22=Null,,0.0145726,µV
Ch23=P7,,0.0145726,µV
Ch24=P3,,0.0145726,µV
Ch25=Pz,,0.0118137,µV
Ch26=P4,,0.0118564,µV
Ch27=P8,,0.0108585,µV
Ch28=PO9,,0.0119938,µV
Ch29=O1,,0.0145726,µV
Ch30=Oz,,0.0145726,µV
Ch31=O2,,0.0145726,µV
Ch32=PO10,,0.0145726,µV

