Brain Vision Data Exchange Header File Version 1.0
; Data exported from BBCI Matlab Toolbox

[Common Infos]
DataFile=0301_su04.eeg
MarkerFile=0301_su04.vmrk
DataFormat=BINARY
DataOrientation=MULTIPLEXED
NumberOfChannels=32
DataPoints=804000
SamplingInterval=200

[Binary Infos]
BinaryFormat=INT_16
UseBigEndianOrder=NO

[Channel Infos]
Ch1=Fp1,,0.00627766,µV
Ch2=Fp2,,0.00883206,µV
Ch3=F7,,0.00690329,µV
Ch4=F3,,0.00813929,µV
Ch5=Fz,,0.00813929,µV
Ch6=F4,,0.00813929,µV
Ch7=F8,,0.00813929,µV
Ch8=FC5,,0.00813929,µV
Ch9=FC1,,0.00632954,µV
Ch10=FC2,,0.00871914,µV
Ch11=FC6,,0.00351268,µV
Ch12=T7,,0.00259713,µV
Ch13=C3,,0.00813929,µV
Ch14=Cz,,0.00813929,µV
Ch15=C4,,0.00813929,µV
Ch16=T8,,0.00813929,µV
Ch17=EOG,,0.00863674,µV
Ch18=CP5,,0.00925627,µV
Ch19=CP1,,0.00265206,µV
Ch20=CP2,,0.00380566,µV
Ch21=CP6,,0.00813929,µV
Ch22=Null,,0.00813929,µV
Ch23=P7,,0.00813929,µV
Ch24=P3,,0.00813929,µV
Ch25=Pz,,0.00229194,µV
Ch26=P4,,0.00327159,µV
Ch27=P8,,0.00200202,µV
Ch28=PO9,,0.00702231,µV
Ch29=O1,,0.00813929,µV
Ch30=Oz,,0.00813929,µV
Ch31=O2,,0.00813929,µV
Ch32=PO10,,0.00813929,µV

