Brain Vision Data Exchange Header File Version 1.0
; Data exported from BBCI Matlab Toolbox

[Common Infos]
DataFile=0302_su04.eeg
MarkerFile=0302_su04.vmrk
DataFormat=BINARY
DataOrientation=MULTIPLEXED
NumberOfChannels=32
DataPoints=555000
SamplingInterval=200

[Binary Infos]
BinaryFormat=INT_16
UseBigEndianOrder=NO

[Channel Infos]
Ch1=Fp1,,0.0140294,µV
Ch2=Fp2,,0.0523423,µV
Ch3=F7,,0.0235694,µV
Ch4=F3,,0.0188299,µV
Ch5=Fz,,0.0188299,µV
Ch6=F4,,0.0188299,µV
Ch7=F8,,0.0188299,µV
Ch8=FC5,,0.0188299,µV
Ch9=FC1,,0.0211188,µV
Ch10=FC2,,0.0219581,µV
Ch11=FC6,,0.00861233,µV
Ch12=T7,,0.0029603,µV
Ch13=C3,,0.0188299,µV
Ch14=Cz,,0.0188299,µV
Ch15=C4,,0.0188299,µV
Ch16=T8,,0.0188299,µV
Ch17=EOG,,0.0306192,µV
Ch18=CP5,,0.0134831,µV
Ch19=CP1,,0.00331737,µV
Ch20=CP2,,0.00752587,µV
Ch21=CP6,,0.0188299,µV
Ch22=Null,,0.0188299,µV
Ch23=P7,,0.0188299,µV
Ch24=P3,,0.0188299,µV
Ch25=Pz,,0.00854213,µV
Ch26=P4,,0.00477615,µV
Ch27=P8,,0.00201422,µV
Ch28=PO9,,0.0132542,µV
Ch29=O1,,0.0188299,µV
Ch30=Oz,,0.0188299,µV
Ch31=O2,,0.0188299,µV
Ch32=PO10,,0.0188299,µV

