Brain Vision Data Exchange Header File Version 1.0
; Data exported from BBCI Matlab Toolbox

[Common Infos]
DataFile=0302_su03.eeg
MarkerFile=0302_su03.vmrk
DataFormat=BINARY
DataOrientation=MULTIPLEXED
NumberOfChannels=32
DataPoints=794000
SamplingInterval=200

[Binary Infos]
BinaryFormat=INT_16
UseBigEndianOrder=NO

[Channel Infos]
Ch1=Fp1,,0.0067568,µV
Ch2=Fp2,,0.0125645,µV
Ch3=F7,,0.0152684,µV
Ch4=F3,,0.0224189,µV
Ch5=Fz,,0.0224189,µV
Ch6=F4,,0.0224189,µV
Ch7=F8,,0.0224189,µV
Ch8=FC5,,0.0224189,µV
Ch9=FC1,,0.0165899,µV
Ch10=FC2,,0.0184515,µV
Ch11=FC6,,0.00915861,µV
Ch12=T7,,0.00425428,µV
Ch13=C3,,0.0224189,µV
Ch14=Cz,,0.0224189,µV
Ch15=C4,,0.0224189,µV
Ch16=T8,,0.0224189,µV
Ch17=EOG,,0.0111972,µV
Ch18=CP5,,0.0184942,µV
Ch19=CP1,,0.00326854,µV
Ch20=CP2,,0.00549639,µV
Ch21=CP6,,0.0224189,µV
Ch22=Null,,0.0224189,µV
Ch23=P7,,0.0224189,µV
Ch24=P3,,0.0224189,µV
Ch25=Pz,,0.017539,µV
Ch26=P4,,0.0125797,µV
Ch27=P8,,0.00206305,µV
Ch28=PO9,,0.00778527,µV
Ch29=O1,,0.0224189,µV
Ch30=Oz,,0.0224189,µV
Ch31=O2,,0.0224189,µV
Ch32=PO10,,0.0224189,µV

