Brain Vision Data Exchange Header File Version 1.0
; Data exported from BBCI Matlab Toolbox

[Common Infos]
DataFile=0302_su06.eeg
MarkerFile=0302_su06.vmrk
DataFormat=BINARY
DataOrientation=MULTIPLEXED
NumberOfChannels=32
DataPoints=1194000
SamplingInterval=200

[Binary Infos]
BinaryFormat=INT_16
UseBigEndianOrder=NO

[Channel Infos]
Ch1=Fp1,,0.00365307,µV
Ch2=Fp2,,0.00964385,µV
Ch3=F7,,0.00893887,µV
Ch4=F3,,0.0106204,µV
Ch5=Fz,,0.0106204,µV
Ch6=F4,,0.0106204,µV
Ch7=F8,,0.0106204,µV
Ch8=FC5,,0.0106204,µV
Ch9=FC1,,0.00759911,µV
Ch10=FC2,,0.00723594,µV
Ch11=FC6,,0.00490433,µV
Ch12=T7,,0.00496231,µV
Ch13=C3,,0.0106204,µV
Ch14=Cz,,0.0106204,µV
Ch15=C4,,0.0106204,µV
Ch16=T8,,0.0106204,µV
Ch17=EOG,,0.00779138,µV
Ch18=CP5,,0.00479141,µV
Ch19=CP1,,0.00443739,µV
Ch20=CP2,,0.0102145,µV
Ch21=CP6,,0.0106204,µV
Ch22=Null,,0.0106204,µV
Ch23=P7,,0.0106204,µV
Ch24=P3,,0.0106204,µV
Ch25=Pz,,0.0049379,µV
Ch26=P4,,0.00500504,µV
Ch27=P8,,0.0050203,µV
Ch28=PO9,,0.00516679,µV
Ch29=O1,,0.0106204,µV
Ch30=Oz,,0.0106204,µV
Ch31=O2,,0.0106204,µV
Ch32=PO10,,0.0106204,µV

