Brain Vision Data Exchange Header File Version 1.0
; Data exported from BBCI Matlab Toolbox

[Common Infos]
DataFile=0302_su02.eeg
MarkerFile=0302_su02.vmrk
DataFormat=BINARY
DataOrientation=MULTIPLEXED
NumberOfChannels=32
DataPoints=794000
SamplingInterval=200

[Binary Infos]
BinaryFormat=INT_16
UseBigEndianOrder=NO

[Channel Infos]
Ch1=Fp1,,0.00628376,µV
Ch2=Fp2,,0.0249855,µV
Ch3=F7,,0.0120975,µV
Ch4=F3,,0.0155644,µV
Ch5=Fz,,0.0155644,µV
Ch6=F4,,0.0155644,µV
Ch7=F8,,0.0155644,µV
Ch8=FC5,,0.0155644,µV
Ch9=FC1,,0.0119572,µV
Ch10=FC2,,0.0252174,µV
Ch11=FC6,,0.00480667,µV
Ch12=T7,,0.00315562,µV
Ch13=C3,,0.0155644,µV
Ch14=Cz,,0.0155644,µV
Ch15=C4,,0.0155644,µV
Ch16=T8,,0.0155644,µV
Ch17=EOG,,0.0133061,µV
Ch18=CP5,,0.0180761,µV
Ch19=CP1,,0.00383618,µV
Ch20=CP2,,0.00326243,µV
Ch21=CP6,,0.0155644,µV
Ch22=Null,,0.0155644,µV
Ch23=P7,,0.0155644,µV
Ch24=P3,,0.0155644,µV
Ch25=Pz,,0.0117527,µV
Ch26=P4,,0.00507828,µV
Ch27=P8,,0.00458083,µV
Ch28=PO9,,0.00720542,µV
Ch29=O1,,0.0155644,µV
Ch30=Oz,,0.0155644,µV
Ch31=O2,,0.0155644,µV
Ch32=PO10,,0.0155644,µV

