Brain Vision Data Exchange Header File Version 1.0
; Data exported from BBCI Matlab Toolbox

[Common Infos]
DataFile=0401_su04.eeg
MarkerFile=0401_su04.vmrk
DataFormat=BINARY
DataOrientation=MULTIPLEXED
NumberOfChannels=32
DataPoints=794000
SamplingInterval=200

[Binary Infos]
BinaryFormat=INT_16
UseBigEndianOrder=NO

[Channel Infos]
Ch1=Fp1,,0.0160955,µV
Ch2=Fp2,,0.0437452,µV
Ch3=F7,,0.0265481,µV
Ch4=F3,,0.0148015,µV
Ch5=Fz,,0.0148015,µV
Ch6=F4,,0.0148015,µV
Ch7=F8,,0.0148015,µV
Ch8=FC5,,0.0148015,µV
Ch9=FC1,,0.0137852,µV
Ch10=FC2,,0.0999359,µV
Ch11=FC6,,0.0080691,µV
Ch12=T7,,0.00322886,µV
Ch13=C3,,0.0148015,µV
Ch14=Cz,,0.0148015,µV
Ch15=C4,,0.0148015,µV
Ch16=T8,,0.0148015,µV
Ch17=EOG,,0.0192694,µV
Ch18=CP5,,0.0119205,µV
Ch19=CP1,,0.00347606,µV
Ch20=CP2,,0.0114444,µV
Ch21=CP6,,0.0148015,µV
Ch22=Null,,0.0148015,µV
Ch23=P7,,0.0148015,µV
Ch24=P3,,0.0148015,µV
Ch25=Pz,,0.00665609,µV
Ch26=P4,,0.0124088,µV
Ch27=P8,,0.00448928,µV
Ch28=PO9,,0.00959502,µV
Ch29=O1,,0.0148015,µV
Ch30=Oz,,0.0148015,µV
Ch31=O2,,0.0148015,µV
Ch32=PO10,,0.0148015,µV

