Brain Vision Data Exchange Header File Version 1.0
; Data exported from BBCI Matlab Toolbox

[Common Infos]
DataFile=0401_su01.eeg
MarkerFile=0401_su01.vmrk
DataFormat=BINARY
DataOrientation=MULTIPLEXED
NumberOfChannels=32
DataPoints=794000
SamplingInterval=200

[Binary Infos]
BinaryFormat=INT_16
UseBigEndianOrder=NO

[Channel Infos]
Ch1=Fp1,,0.00352184,µV
Ch2=Fp2,,0.0056856,µV
Ch3=F7,,0.00533159,µV
Ch4=F3,,0.00878933,µV
Ch5=Fz,,0.00878933,µV
Ch6=F4,,0.00878933,µV
Ch7=F8,,0.00878933,µV
Ch8=FC5,,0.00878933,µV
Ch9=FC1,,0.00266427,µV
Ch10=FC2,,0.00570391,µV
Ch11=FC6,,0.00293588,µV
Ch12=T7,,0.00195624,µV
Ch13=C3,,0.00878933,µV
Ch14=Cz,,0.00878933,µV
Ch15=C4,,0.00878933,µV
Ch16=T8,,0.00878933,µV
Ch17=EOG,,0.00524919,µV
Ch18=CP5,,0.00372021,µV
Ch19=CP1,,0.00467239,µV
Ch20=CP2,,0.00152898,µV
Ch21=CP6,,0.00878933,µV
Ch22=Null,,0.00878933,µV
Ch23=P7,,0.00878933,µV
Ch24=P3,,0.00878933,µV
Ch25=Pz,,0.0034608,µV
Ch26=P4,,0.00221565,µV
Ch27=P8,,0.00175177,µV
Ch28=PO9,,0.00256356,µV
Ch29=O1,,0.00878933,µV
Ch30=Oz,,0.00878933,µV
Ch31=O2,,0.00878933,µV
Ch32=PO10,,0.00878933,µV

