Brain Vision Data Exchange Header File Version 1.0
; Data exported from BBCI Matlab Toolbox

[Common Infos]
DataFile=0401_su08.eeg
MarkerFile=0401_su08.vmrk
DataFormat=BINARY
DataOrientation=MULTIPLEXED
NumberOfChannels=32
DataPoints=794000
SamplingInterval=200

[Binary Infos]
BinaryFormat=INT_16
UseBigEndianOrder=NO

[Channel Infos]
Ch1=Fp1,,0.0150487,µV
Ch2=Fp2,,0.00522782,µV
Ch3=F7,,0.0117405,µV
Ch4=F3,,0.0113193,µV
Ch5=Fz,,0.0113193,µV
Ch6=F4,,0.0113193,µV
Ch7=F8,,0.0113193,µV
Ch8=FC5,,0.0113193,µV
Ch9=FC1,,0.00496231,µV
Ch10=FC2,,0.0969543,µV
Ch11=FC6,,0.00291452,µV
Ch12=T7,,0.00209357,µV
Ch13=C3,,0.0113193,µV
Ch14=Cz,,0.0113193,µV
Ch15=C4,,0.0113193,µV
Ch16=T8,,0.0113193,µV
Ch17=EOG,,0.00412,µV
Ch18=CP5,,0.0035371,µV
Ch19=CP1,,0.00382397,µV
Ch20=CP2,,0.0105747,µV
Ch21=CP6,,0.0113193,µV
Ch22=Null,,0.0113193,µV
Ch23=P7,,0.0113193,µV
Ch24=P3,,0.0113193,µV
Ch25=Pz,,0.00475784,µV
Ch26=P4,,0.00253914,µV
Ch27=P8,,0.00186774,µV
Ch28=PO9,,0.00371716,µV
Ch29=O1,,0.0113193,µV
Ch30=Oz,,0.0113193,µV
Ch31=O2,,0.0113193,µV
Ch32=PO10,,0.0113193,µV

