Brain Vision Data Exchange Header File Version 1.0
; Data exported from BBCI Matlab Toolbox

[Common Infos]
DataFile=0401_su06.eeg
MarkerFile=0401_su06.vmrk
DataFormat=BINARY
DataOrientation=MULTIPLEXED
NumberOfChannels=32
DataPoints=1194000
SamplingInterval=200

[Binary Infos]
BinaryFormat=INT_16
UseBigEndianOrder=NO

[Channel Infos]
Ch1=Fp1,,0.00240486,µV
Ch2=Fp2,,0.00573748,µV
Ch3=F7,,0.0103305,µV
Ch4=F3,,0.0101901,µV
Ch5=Fz,,0.0101901,µV
Ch6=F4,,0.0101901,µV
Ch7=F8,,0.0101901,µV
Ch8=FC5,,0.0101901,µV
Ch9=FC1,,0.00393689,µV
Ch10=FC2,,0.00440382,µV
Ch11=FC6,,0.00387891,µV
Ch12=T7,,0.00348522,µV
Ch13=C3,,0.0101901,µV
Ch14=Cz,,0.0101901,µV
Ch15=C4,,0.0101901,µV
Ch16=T8,,0.0101901,µV
Ch17=EOG,,0.00468459,µV
Ch18=CP5,,0.00364086,µV
Ch19=CP1,,0.00281686,µV
Ch20=CP2,,0.00967742,µV
Ch21=CP6,,0.0101901,µV
Ch22=Null,,0.0101901,µV
Ch23=P7,,0.0101901,µV
Ch24=P3,,0.0101901,µV
Ch25=Pz,,0.00504166,µV
Ch26=P4,,0.00361645,µV
Ch27=P8,,0.00331737,µV
Ch28=PO9,,0.00294809,µV
Ch29=O1,,0.0101901,µV
Ch30=Oz,,0.0101901,µV
Ch31=O2,,0.0101901,µV
Ch32=PO10,,0.0101901,µV

