Brain Vision Data Exchange Header File Version 1.0
; Data exported from BBCI Matlab Toolbox

[Common Infos]
DataFile=0401_su02.eeg
MarkerFile=0401_su02.vmrk
DataFormat=BINARY
DataOrientation=MULTIPLEXED
NumberOfChannels=32
DataPoints=794000
SamplingInterval=200

[Binary Infos]
BinaryFormat=INT_16
UseBigEndianOrder=NO

[Channel Infos]
Ch1=Fp1,,0.0110355,µV
Ch2=Fp2,,0.031077,µV
Ch3=F7,,0.0149175,µV
Ch4=F3,,0.0179937,µV
Ch5=Fz,,0.0179937,µV
Ch6=F4,,0.0179937,µV
Ch7=F8,,0.0179937,µV
Ch8=FC5,,0.0179937,µV
Ch9=FC1,,0.0153233,µV
Ch10=FC2,,0.0420362,µV
Ch11=FC6,,0.00757775,µV
Ch12=T7,,0.00465408,µV
Ch13=C3,,0.0179937,µV
Ch14=Cz,,0.0179937,µV
Ch15=C4,,0.0179937,µV
Ch16=T8,,0.0179937,µV
Ch17=EOG,,0.0140233,µV
Ch18=CP5,,0.0163091,µV
Ch19=CP1,,0.00755028,µV
Ch20=CP2,,0.00637532,µV
Ch21=CP6,,0.0179937,µV
Ch22=Null,,0.0179937,µV
Ch23=P7,,0.0179937,µV
Ch24=P3,,0.0179937,µV
Ch25=Pz,,0.0153996,µV
Ch26=P4,,0.00545671,µV
Ch27=P8,,0.00437941,µV
Ch28=PO9,,0.0113926,µV
Ch29=O1,,0.0179937,µV
Ch30=Oz,,0.0179937,µV
Ch31=O2,,0.0179937,µV
Ch32=PO10,,0.0179937,µV

