Brain Vision Data Exchange Header File Version 1.0
; Data exported from BBCI Matlab Toolbox

[Common Infos]
DataFile=0401_su07.eeg
MarkerFile=0401_su07.vmrk
DataFormat=BINARY
DataOrientation=MULTIPLEXED
NumberOfChannels=32
DataPoints=794000
SamplingInterval=200

[Binary Infos]
BinaryFormat=INT_16
UseBigEndianOrder=NO

[Channel Infos]
Ch1=Fp1,,0.0041139,µV
Ch2=Fp2,,0.00784631,µV
Ch3=F7,,0.00728782,µV
Ch4=F3,,0.00784936,µV
Ch5=Fz,,0.00784936,µV
Ch6=F4,,0.00784936,µV
Ch7=F8,,0.00784936,µV
Ch8=FC5,,0.00784936,µV
Ch9=FC1,,0.00533159,µV
Ch10=FC2,,0.0107242,µV
Ch11=FC6,,0.00392774,µV
Ch12=T7,,0.00148931,µV
Ch13=C3,,0.00784936,µV
Ch14=Cz,,0.00784936,µV
Ch15=C4,,0.00784936,µV
Ch16=T8,,0.00784936,µV
Ch17=EOG,,0.00614948,µV
Ch18=CP5,,0.00517289,µV
Ch19=CP1,,0.00225532,µV
Ch20=CP2,,0.00232551,µV
Ch21=CP6,,0.00784936,µV
Ch22=Null,,0.00784936,µV
Ch23=P7,,0.00784936,µV
Ch24=P3,,0.00784936,µV
Ch25=Pz,,0.00571612,µV
Ch26=P4,,0.00500809,µV
Ch27=P8,,0.001648,µV
Ch28=PO9,,0.00292062,µV
Ch29=O1,,0.00784936,µV
Ch30=Oz,,0.00784936,µV
Ch31=O2,,0.00784936,µV
Ch32=PO10,,0.00784936,µV

