Brain Vision Data Exchange Header File Version 1.0
; Data exported from BBCI Matlab Toolbox

[Common Infos]
DataFile=0401_su05.eeg
MarkerFile=0401_su05.vmrk
DataFormat=BINARY
DataOrientation=MULTIPLEXED
NumberOfChannels=32
DataPoints=794000
SamplingInterval=200

[Binary Infos]
BinaryFormat=INT_16
UseBigEndianOrder=NO

[Channel Infos]
Ch1=Fp1,,0.0458022,µV
Ch2=Fp2,,0.0505326,µV
Ch3=F7,,0.0205939,µV
Ch4=F3,,0.0532609,µV
Ch5=Fz,,0.0532609,µV
Ch6=F4,,0.0532609,µV
Ch7=F8,,0.0532609,µV
Ch8=FC5,,0.0532609,µV
Ch9=FC1,,0.0447523,µV
Ch10=FC2,,0.0570483,µV
Ch11=FC6,,0.0145146,µV
Ch12=T7,,0.00455947,µV
Ch13=C3,,0.0532609,µV
Ch14=Cz,,0.0532609,µV
Ch15=C4,,0.0532609,µV
Ch16=T8,,0.0532609,µV
Ch17=EOG,,0.0433882,µV
Ch18=CP5,,0.0314127,µV
Ch19=CP1,,0.0118839,µV
Ch20=CP2,,0.0214301,µV
Ch21=CP6,,0.0532609,µV
Ch22=Null,,0.0532609,µV
Ch23=P7,,0.0532609,µV
Ch24=P3,,0.0532609,µV
Ch25=Pz,,0.1,µV
Ch26=P4,,0.0430219,µV
Ch27=P8,,0.000741603,µV
Ch28=PO9,,0.036433,µV
Ch29=O1,,0.0532609,µV
Ch30=Oz,,0.0532609,µV
Ch31=O2,,0.0532609,µV
Ch32=PO10,,0.0532609,µV

