Brain Vision Data Exchange Header File Version 1.0
; Data exported from BBCI Matlab Toolbox

[Common Infos]
DataFile=0402_su01.eeg
MarkerFile=0402_su01.vmrk
DataFormat=BINARY
DataOrientation=MULTIPLEXED
NumberOfChannels=32
DataPoints=794000
SamplingInterval=200

[Binary Infos]
BinaryFormat=INT_16
UseBigEndianOrder=NO

[Channel Infos]
Ch1=Fp1,,0.00308542,µV
Ch2=Fp2,,0.00531633,µV
Ch3=F7,,0.0057619,µV
Ch4=F3,,0.00512101,µV
Ch5=Fz,,0.00512101,µV
Ch6=F4,,0.00512101,µV
Ch7=F8,,0.00512101,µV
Ch8=FC5,,0.00512101,µV
Ch9=FC1,,0.00423902,µV
Ch10=FC2,,0.00475173,µV
Ch11=FC6,,0.00246895,µV
Ch12=T7,,0.00186774,µV
Ch13=C3,,0.00512101,µV
Ch14=Cz,,0.00512101,µV
Ch15=C4,,0.00512101,µV
Ch16=T8,,0.00512101,µV
Ch17=EOG,,0.00319834,µV
Ch18=CP5,,0.00611591,µV
Ch19=CP1,,0.00236824,µV
Ch20=CP2,,0.00161443,µV
Ch21=CP6,,0.00512101,µV
Ch22=Null,,0.00512101,µV
Ch23=P7,,0.00512101,µV
Ch24=P3,,0.00512101,µV
Ch25=Pz,,0.00437636,µV
Ch26=P4,,0.00236824,µV
Ch27=P8,,0.00264596,µV
Ch28=PO9,,0.0022187,µV
Ch29=O1,,0.00512101,µV
Ch30=Oz,,0.00512101,µV
Ch31=O2,,0.00512101,µV
Ch32=PO10,,0.00512101,µV

