Brain Vision Data Exchange Header File Version 1.0
; Data exported from BBCI Matlab Toolbox

[Common Infos]
DataFile=0402_su04.eeg
MarkerFile=0402_su04.vmrk
DataFormat=BINARY
DataOrientation=MULTIPLEXED
NumberOfChannels=32
DataPoints=796000
SamplingInterval=200

[Binary Infos]
BinaryFormat=INT_16
UseBigEndianOrder=NO

[Channel Infos]
Ch1=Fp1,,0.0122501,µV
Ch2=Fp2,,0.0129795,µV
Ch3=F7,,0.0112186,µV
Ch4=F3,,0.0141301,µV
Ch5=Fz,,0.0141301,µV
Ch6=F4,,0.0141301,µV
Ch7=F8,,0.0141301,µV
Ch8=FC5,,0.0141301,µV
Ch9=FC1,,0.0102054,µV
Ch10=FC2,,0.0107028,µV
Ch11=FC6,,0.00570391,µV
Ch12=T7,,0.00291757,µV
Ch13=C3,,0.0141301,µV
Ch14=Cz,,0.0141301,µV
Ch15=C4,,0.0141301,µV
Ch16=T8,,0.0141301,µV
Ch17=EOG,,0.0148137,µV
Ch18=CP5,,0.00946074,µV
Ch19=CP1,,0.00321055,µV
Ch20=CP2,,0.00506608,µV
Ch21=CP6,,0.0141301,µV
Ch22=Null,,0.0141301,µV
Ch23=P7,,0.0141301,µV
Ch24=P3,,0.0141301,µV
Ch25=Pz,,0.00575885,µV
Ch26=P4,,0.00687888,µV
Ch27=P8,,0.00211188,µV
Ch28=PO9,,0.00714744,µV
Ch29=O1,,0.0141301,µV
Ch30=Oz,,0.0141301,µV
Ch31=O2,,0.0141301,µV
Ch32=PO10,,0.0141301,µV

