Brain Vision Data Exchange Header File Version 1.0
; Data exported from BBCI Matlab Toolbox

[Common Infos]
DataFile=0402_su03.eeg
MarkerFile=0402_su03.vmrk
DataFormat=BINARY
DataOrientation=MULTIPLEXED
NumberOfChannels=32
DataPoints=794000
SamplingInterval=200

[Binary Infos]
BinaryFormat=INT_16
UseBigEndianOrder=NO

[Channel Infos]
Ch1=Fp1,,0.00795618,µV
Ch2=Fp2,,0.016773,µV
Ch3=F7,,0.0155736,µV
Ch4=F3,,0.0219031,µV
Ch5=Fz,,0.0219031,µV
Ch6=F4,,0.0219031,µV
Ch7=F8,,0.0219031,µV
Ch8=FC5,,0.0219031,µV
Ch9=FC1,,0.0166967,µV
Ch10=FC2,,0.0349651,µV
Ch11=FC6,,0.0127476,µV
Ch12=T7,,0.0042787,µV
Ch13=C3,,0.0219031,µV
Ch14=Cz,,0.0219031,µV
Ch15=C4,,0.0219031,µV
Ch16=T8,,0.0219031,µV
Ch17=EOG,,0.0119388,µV
Ch18=CP5,,0.0207099,µV
Ch19=CP1,,0.00442824,µV
Ch20=CP2,,0.00892667,µV
Ch21=CP6,,0.0219031,µV
Ch22=Null,,0.0219031,µV
Ch23=P7,,0.0219031,µV
Ch24=P3,,0.0219031,µV
Ch25=Pz,,0.0290658,µV
Ch26=P4,,0.0174474,µV
Ch27=P8,,0.00440382,µV
Ch28=PO9,,0.0123783,µV
Ch29=O1,,0.0219031,µV
Ch30=Oz,,0.0219031,µV
Ch31=O2,,0.0219031,µV
Ch32=PO10,,0.0219031,µV

