Brain Vision Data Exchange Header File Version 1.0
; Data exported from BBCI Matlab Toolbox

[Common Infos]
DataFile=0402_su07.eeg
MarkerFile=0402_su07.vmrk
DataFormat=BINARY
DataOrientation=MULTIPLEXED
NumberOfChannels=32
DataPoints=794000
SamplingInterval=200

[Binary Infos]
BinaryFormat=INT_16
UseBigEndianOrder=NO

[Channel Infos]
Ch1=Fp1,,0.00321665,µV
Ch2=Fp2,,0.00918302,µV
Ch3=F7,,0.0087405,µV
Ch4=F3,,0.00931425,µV
Ch5=Fz,,0.00931425,µV
Ch6=F4,,0.00931425,µV
Ch7=F8,,0.00931425,µV
Ch8=FC5,,0.00931425,µV
Ch9=FC1,,0.00502335,µV
Ch10=FC2,,0.0102084,µV
Ch11=FC6,,0.00509049,µV
Ch12=T7,,0.0014832,µV
Ch13=C3,,0.00931425,µV
Ch14=Cz,,0.00931425,µV
Ch15=C4,,0.00931425,µV
Ch16=T8,,0.00931425,µV
Ch17=EOG,,0.0110813,µV
Ch18=CP5,,0.00722068,µV
Ch19=CP1,,0.00207221,µV
Ch20=CP2,,0.0154973,µV
Ch21=CP6,,0.00931425,µV
Ch22=Null,,0.00931425,µV
Ch23=P7,,0.00931425,µV
Ch24=P3,,0.00931425,µV
Ch25=Pz,,0.00737633,µV
Ch26=P4,,0.0021363,µV
Ch27=P8,,0.00228889,µV
Ch28=PO9,,0.0027955,µV
Ch29=O1,,0.00931425,µV
Ch30=Oz,,0.00931425,µV
Ch31=O2,,0.00931425,µV
Ch32=PO10,,0.00931425,µV

