Brain Vision Data Exchange Header File Version 1.0
; Data exported from BBCI Matlab Toolbox

[Common Infos]
DataFile=fVR_2_su0003.eeg
MarkerFile=fVR_2_su0003.vmrk
DataFormat=BINARY
DataOrientation=MULTIPLEXED
NumberOfChannels=32
DataPoints=216140
SamplingInterval=1000

[Binary Infos]
BinaryFormat=INT_16
UseBigEndianOrder=NO

[Channel Infos]
Ch1=Fp1,,0.0249611,µV
Ch2=Fp2,,0.0160741,µV
Ch3=F7,,0.0163274,µV
Ch4=F3,,0.0118351,µV
Ch5=Fz,,0.0101718,µV
Ch6=F4,,0.0116245,µV
Ch7=F8,,0.0193793,µV
Ch8=FC5,,0.0113285,µV
Ch9=FC1,,0.00701316,µV
Ch10=FC2,,0.00778527,µV
Ch11=FC6,,0.0109836,µV
Ch12=T7,,0.0118381,µV
Ch13=C3,,0.00734886,µV
Ch14=Cz,,0.00649129,µV
Ch15=C4,,0.00738548,µV
Ch16=T8,,0.00768151,µV
Ch17=EOG,,0.004944,µV
Ch18=CP5,,0.0144047,µV
Ch19=CP1,,0.00678122,µV
Ch20=CP2,,0.00970489,µV
Ch21=CP6,,0.0126377,µV
Ch22=Null,,0.000878936,µV
Ch23=P7,,0.0293161,µV
Ch24=P3,,0.0104648,µV
Ch25=Pz,,0.00753502,µV
Ch26=P4,,0.00977508,µV
Ch27=P8,,0.0208197,µV
Ch28=PO9,,0.0104923,µV
Ch29=O1,,0.00793176,µV
Ch30=Oz,,0.00540178,µV
Ch31=O2,,0.00702842,µV
Ch32=PO10,,0.00668661,µV

