Brain Vision Data Exchange Header File Version 1.0
; Data exported from BBCI Matlab Toolbox

[Common Infos]
DataFile=nVR_2_su0011.eeg
MarkerFile=nVR_2_su0011.vmrk
DataFormat=BINARY
DataOrientation=MULTIPLEXED
NumberOfChannels=32
DataPoints=219860
SamplingInterval=1000

[Binary Infos]
BinaryFormat=INT_16
UseBigEndianOrder=NO

[Channel Infos]
Ch1=Fp1,,0.0140141,µV
Ch2=Fp2,,0.0119083,µV
Ch3=F7,,0.00438856,µV
Ch4=F3,,0.00995819,µV
Ch5=Fz,,0.00191351,µV
Ch6=F4,,0.00231941,µV
Ch7=F8,,0.00361645,µV
Ch8=FC5,,0.0220954,µV
Ch9=FC1,,0.00190436,µV
Ch10=FC2,,0.00140385,µV
Ch11=FC6,,0.00351879,µV
Ch12=T7,,0.00445571,µV
Ch13=C3,,0.00312815,µV
Ch14=Cz,,0.00199591,µV
Ch15=C4,,0.002884,µV
Ch16=T8,,0.00372631,µV
Ch17=EOG,,0.00697959,µV
Ch18=CP5,,0.00319529,µV
Ch19=CP1,,0.0026307,µV
Ch20=CP2,,0.00212104,µV
Ch21=CP6,,0.00711997,µV
Ch22=Null,,0.00047304,µV
Ch23=P7,,0.00284128,µV
Ch24=P3,,0.00327769,µV
Ch25=Pz,,0.00247811,µV
Ch26=P4,,0.00310679,µV
Ch27=P8,,0.00404065,µV
Ch28=PO9,,0.00446181,µV
Ch29=O1,,0.00328685,µV
Ch30=Oz,,0.00301828,µV
Ch31=O2,,0.00440688,µV
Ch32=PO10,,0.00451064,µV

